REDIRECTS: OFF
RESTRICTION: || (== net472) (== netcoreapp2.1) (== netcoreapp2.2) (== netcoreapp3.0) (== netstandard2.0) (== netstandard2.1)
NUGET
  remote: https://api.nuget.org/v3/index.json
    BlackFox.VsWhere (1.0)
      FSharp.Core (>= 4.0.0.1) - restriction: || (== net472) (&& (== netcoreapp2.1) (>= net45)) (&& (== netcoreapp2.2) (>= net45)) (&& (== netcoreapp3.0) (>= net45)) (&& (== netstandard2.0) (>= net45)) (&& (== netstandard2.1) (>= net45))
      FSharp.Core (>= 4.2.3) - restriction: || (&& (== net472) (< net45)) (== netcoreapp2.1) (== netcoreapp2.2) (== netcoreapp3.0) (== netstandard2.0) (== netstandard2.1)
    Dotnet.ProjInfo (0.36)
      FSharp.Core (>= 4.6.2)
      System.ValueTuple (>= 4.4)
    Dotnet.ProjInfo.Workspace (0.36)
      Dotnet.ProjInfo (>= 0.36)
      FSharp.Core (>= 4.6.2)
      Sln (>= 0.3)
    FSharp.Compiler.Service (34.0)
      FSharp.Core (>= 4.6.2)
      System.Buffers (>= 4.5)
      System.Collections.Immutable (>= 1.5)
      System.Diagnostics.Process (>= 4.1) - restriction: || (&& (== net472) (< net461)) (== netcoreapp2.1) (== netcoreapp2.2) (== netcoreapp3.0) (== netstandard2.0) (== netstandard2.1)
      System.Diagnostics.TraceSource (>= 4.0) - restriction: || (&& (== net472) (< net461)) (== netcoreapp2.1) (== netcoreapp2.2) (== netcoreapp3.0) (== netstandard2.0) (== netstandard2.1)
      System.Reflection.Emit (>= 4.3) - restriction: || (&& (== net472) (< net461)) (== netcoreapp2.1) (== netcoreapp2.2) (== netcoreapp3.0) (== netstandard2.0) (== netstandard2.1)
      System.Reflection.Metadata (>= 1.6)
      System.Reflection.TypeExtensions (>= 4.3) - restriction: || (&& (== net472) (< net461)) (== netcoreapp2.1) (== netcoreapp2.2) (== netcoreapp3.0) (== netstandard2.0) (== netstandard2.1)
      System.Runtime.Loader (>= 4.0) - restriction: || (&& (== net472) (< net461)) (== netcoreapp2.1) (== netcoreapp2.2) (== netcoreapp3.0) (== netstandard2.0) (== netstandard2.1)
      System.Security.Cryptography.Algorithms (>= 4.3) - restriction: || (&& (== net472) (< net461)) (== netcoreapp2.1) (== netcoreapp2.2) (== netcoreapp3.0) (== netstandard2.0) (== netstandard2.1)
      System.ValueTuple (>= 4.4) - restriction: || (== net472) (&& (== netcoreapp2.1) (>= net461)) (&& (== netcoreapp2.2) (>= net461)) (&& (== netcoreapp3.0) (>= net461)) (&& (== netstandard2.0) (>= net461)) (&& (== netstandard2.1) (>= net461))
    FSharp.Core (4.6.2)
    FSharp.Data.Adaptive (0.0.17)
      FSharp.Core (>= 4.6.2)
      System.Reflection.Emit.Lightweight (>= 4.6 < 4.7)
    Microsoft.Build (16.3)
      Microsoft.Build.Framework (>= 16.3) - restriction: || (== net472) (== netcoreapp2.1) (== netcoreapp2.2) (== netcoreapp3.0) (&& (== netstandard2.0) (>= net472)) (&& (== netstandard2.0) (>= netcoreapp2.1)) (&& (== netstandard2.1) (>= net472)) (&& (== netstandard2.1) (>= netcoreapp2.1))
      Microsoft.VisualStudio.Setup.Configuration.Interop (>= 1.16.30) - restriction: || (== net472) (&& (== netcoreapp2.1) (>= net472)) (&& (== netcoreapp2.2) (>= net472)) (&& (== netcoreapp3.0) (>= net472)) (&& (== netstandard2.0) (>= net472)) (&& (== netstandard2.1) (>= net472))
      Microsoft.Win32.Registry (>= 4.3) - restriction: || (&& (== net472) (>= netcoreapp2.1)) (== netcoreapp2.1) (== netcoreapp2.2) (== netcoreapp3.0) (&& (== netstandard2.0) (>= netcoreapp2.1)) (&& (== netstandard2.1) (>= netcoreapp2.1))
      System.Collections.Immutable (>= 1.5) - restriction: || (== net472) (== netcoreapp2.1) (== netcoreapp2.2) (== netcoreapp3.0) (&& (== netstandard2.0) (>= net472)) (&& (== netstandard2.0) (>= netcoreapp2.1)) (&& (== netstandard2.1) (>= net472)) (&& (== netstandard2.1) (>= netcoreapp2.1))
      System.Diagnostics.TraceSource (>= 4.0) - restriction: || (&& (== net472) (>= netcoreapp2.1)) (== netcoreapp2.1) (== netcoreapp2.2) (== netcoreapp3.0) (&& (== netstandard2.0) (>= netcoreapp2.1)) (&& (== netstandard2.1) (>= netcoreapp2.1))
      System.Memory (>= 4.5.3) - restriction: || (== net472) (== netcoreapp2.1) (== netcoreapp2.2) (== netcoreapp3.0) (&& (== netstandard2.0) (>= net472)) (&& (== netstandard2.0) (>= netcoreapp2.1)) (&& (== netstandard2.1) (>= net472)) (&& (== netstandard2.1) (>= netcoreapp2.1))
      System.Reflection.Metadata (>= 1.6) - restriction: || (&& (== net472) (>= netcoreapp2.1)) (== netcoreapp2.1) (== netcoreapp2.2) (== netcoreapp3.0) (&& (== netstandard2.0) (>= netcoreapp2.1)) (&& (== netstandard2.1) (>= netcoreapp2.1))
      System.Reflection.TypeExtensions (>= 4.1) - restriction: || (&& (== net472) (>= netcoreapp2.1)) (== netcoreapp2.1) (== netcoreapp2.2) (== netcoreapp3.0) (&& (== netstandard2.0) (>= netcoreapp2.1)) (&& (== netstandard2.1) (>= netcoreapp2.1))
      System.Runtime.Loader (>= 4.0) - restriction: || (&& (== net472) (>= netcoreapp2.1)) (== netcoreapp2.1) (== netcoreapp2.2) (== netcoreapp3.0) (&& (== netstandard2.0) (>= netcoreapp2.1)) (&& (== netstandard2.1) (>= netcoreapp2.1))
      System.Security.Principal.Windows (>= 4.3) - restriction: || (&& (== net472) (>= netcoreapp2.1)) (== netcoreapp2.1) (== netcoreapp2.2) (== netcoreapp3.0) (&& (== netstandard2.0) (>= netcoreapp2.1)) (&& (== netstandard2.1) (>= netcoreapp2.1))
      System.Text.Encoding.CodePages (>= 4.0.1) - restriction: || (&& (== net472) (>= netcoreapp2.1)) (== netcoreapp2.1) (== netcoreapp2.2) (== netcoreapp3.0) (&& (== netstandard2.0) (>= netcoreapp2.1)) (&& (== netstandard2.1) (>= netcoreapp2.1))
      System.Threading.Tasks.Dataflow (>= 4.9) - restriction: || (== net472) (== netcoreapp2.1) (== netcoreapp2.2) (== netcoreapp3.0) (&& (== netstandard2.0) (>= net472)) (&& (== netstandard2.0) (>= netcoreapp2.1)) (&& (== netstandard2.1) (>= net472)) (&& (== netstandard2.1) (>= netcoreapp2.1))
    Microsoft.Build.Framework (16.3)
      System.Runtime.Serialization.Primitives (>= 4.1.1) - restriction: || (== netcoreapp2.1) (== netcoreapp2.2) (== netcoreapp3.0) (== netstandard2.0) (== netstandard2.1)
      System.Threading.Thread (>= 4.0) - restriction: || (== netcoreapp2.1) (== netcoreapp2.2) (== netcoreapp3.0) (== netstandard2.0) (== netstandard2.1)
    Microsoft.Build.Tasks.Core (16.3)
      Microsoft.Build.Framework (>= 16.3)
      Microsoft.Build.Utilities.Core (>= 16.3)
      Microsoft.VisualStudio.Setup.Configuration.Interop (>= 1.16.30) - restriction: || (== net472) (&& (== netcoreapp2.1) (>= net472)) (&& (== netcoreapp2.2) (>= net472)) (&& (== netcoreapp3.0) (>= net472)) (&& (== netstandard2.0) (>= net472)) (&& (== netstandard2.1) (>= net472))
      Microsoft.Win32.Registry (>= 4.3) - restriction: || (== netcoreapp2.1) (== netcoreapp2.2) (== netcoreapp3.0) (== netstandard2.0) (== netstandard2.1)
      System.CodeDom (>= 4.4) - restriction: || (== netcoreapp2.1) (== netcoreapp2.2) (== netcoreapp3.0) (== netstandard2.0) (== netstandard2.1)
      System.Collections.Immutable (>= 1.5)
      System.Linq.Parallel (>= 4.0.1) - restriction: || (== netcoreapp2.1) (== netcoreapp2.2) (== netcoreapp3.0) (== netstandard2.0) (== netstandard2.1)
      System.Net.Http (>= 4.3.4) - restriction: || (== netcoreapp2.1) (== netcoreapp2.2) (== netcoreapp3.0) (== netstandard2.0) (== netstandard2.1)
      System.Reflection.Metadata (>= 1.6) - restriction: || (== netcoreapp2.1) (== netcoreapp2.2) (== netcoreapp3.0) (== netstandard2.0) (== netstandard2.1)
      System.Reflection.TypeExtensions (>= 4.1) - restriction: || (== netcoreapp2.1) (== netcoreapp2.2) (== netcoreapp3.0) (== netstandard2.0) (== netstandard2.1)
      System.Resources.Extensions (>= 4.6)
      System.Resources.Writer (>= 4.0) - restriction: || (== netcoreapp2.1) (== netcoreapp2.2) (== netcoreapp3.0) (== netstandard2.0) (== netstandard2.1)
      System.Threading.Tasks.Dataflow (>= 4.9)
    Microsoft.Build.Utilities.Core (16.3)
      Microsoft.Build.Framework (>= 16.3)
      Microsoft.VisualStudio.Setup.Configuration.Interop (>= 1.16.30) - restriction: || (== net472) (&& (== netcoreapp2.1) (>= net472)) (&& (== netcoreapp2.2) (>= net472)) (&& (== netcoreapp3.0) (>= net472)) (&& (== netstandard2.0) (>= net472)) (&& (== netstandard2.1) (>= net472))
      Microsoft.Win32.Registry (>= 4.3) - restriction: || (== netcoreapp2.1) (== netcoreapp2.2) (== netcoreapp3.0) (== netstandard2.0) (== netstandard2.1)
      System.Collections.Immutable (>= 1.5)
      System.Text.Encoding.CodePages (>= 4.0.1) - restriction: || (== netcoreapp2.1) (== netcoreapp2.2) (== netcoreapp3.0) (== netstandard2.0) (== netstandard2.1)
    Microsoft.NETCore.Platforms (3.1) - restriction: || (&& (== net472) (>= netcoreapp2.1)) (== netcoreapp2.1) (== netcoreapp2.2) (== netcoreapp3.0) (== netstandard2.0) (== netstandard2.1)
    Microsoft.NETCore.Targets (3.1) - restriction: || (== netcoreapp2.1) (== netcoreapp2.2) (== netcoreapp3.0) (== netstandard2.0) (== netstandard2.1)
    Microsoft.VisualStudio.Setup.Configuration.Interop (1.16.30) - restriction: || (== net472) (&& (== netcoreapp2.1) (>= net472)) (&& (== netcoreapp2.2) (>= net472)) (&& (== netcoreapp3.0) (>= net472)) (&& (== netstandard2.0) (>= net472)) (&& (== netstandard2.1) (>= net472))
    Microsoft.Win32.Primitives (4.3) - restriction: || (&& (== net472) (< net46)) (== netcoreapp2.1) (== netcoreapp2.2) (== netcoreapp3.0) (== netstandard2.0) (== netstandard2.1)
      Microsoft.NETCore.Platforms (>= 1.1) - restriction: || (&& (== net472) (< net46)) (== netcoreapp2.1) (== netcoreapp2.2) (== netcoreapp3.0) (== netstandard2.0) (== netstandard2.1)
      Microsoft.NETCore.Targets (>= 1.1) - restriction: || (&& (== net472) (< net46)) (== netcoreapp2.1) (== netcoreapp2.2) (== netcoreapp3.0) (== netstandard2.0) (== netstandard2.1)
      System.Runtime (>= 4.3) - restriction: || (&& (== net472) (< net46)) (== netcoreapp2.1) (== netcoreapp2.2) (== netcoreapp3.0) (== netstandard2.0) (== netstandard2.1)
    Microsoft.Win32.Registry (4.7) - restriction: || (&& (== net472) (>= netcoreapp2.1)) (== netcoreapp2.1) (== netcoreapp2.2) (== netcoreapp3.0) (== netstandard2.0) (== netstandard2.1)
      System.Security.AccessControl (>= 4.7)
      System.Security.Principal.Windows (>= 4.7)
    runtime.debian.8-x64.runtime.native.System.Security.Cryptography.OpenSsl (4.3.3) - restriction: || (== netcoreapp2.1) (== netcoreapp2.2) (== netcoreapp3.0) (== netstandard2.0) (== netstandard2.1)
    runtime.debian.9-x64.runtime.native.System.Security.Cryptography.OpenSsl (4.3.3) - restriction: || (== netcoreapp2.1) (== netcoreapp2.2) (== netcoreapp3.0) (== netstandard2.0) (== netstandard2.1)
    runtime.fedora.23-x64.runtime.native.System.Security.Cryptography.OpenSsl (4.3.3) - restriction: || (== netcoreapp2.1) (== netcoreapp2.2) (== netcoreapp3.0) (== netstandard2.0) (== netstandard2.1)
    runtime.fedora.24-x64.runtime.native.System.Security.Cryptography.OpenSsl (4.3.3) - restriction: || (== netcoreapp2.1) (== netcoreapp2.2) (== netcoreapp3.0) (== netstandard2.0) (== netstandard2.1)
    runtime.fedora.27-x64.runtime.native.System.Security.Cryptography.OpenSsl (4.3.3) - restriction: || (== netcoreapp2.1) (== netcoreapp2.2) (== netcoreapp3.0) (== netstandard2.0) (== netstandard2.1)
    runtime.fedora.28-x64.runtime.native.System.Security.Cryptography.OpenSsl (4.3.3) - restriction: || (== netcoreapp2.1) (== netcoreapp2.2) (== netcoreapp3.0) (== netstandard2.0) (== netstandard2.1)
    runtime.native.System (4.3.1) - restriction: || (== netcoreapp2.1) (== netcoreapp2.2) (== netcoreapp3.0) (== netstandard2.0) (== netstandard2.1)
      Microsoft.NETCore.Platforms (>= 1.1.1)
      Microsoft.NETCore.Targets (>= 1.1.3)
    runtime.native.System.Net.Http (4.3.1) - restriction: || (== netcoreapp2.1) (== netcoreapp2.2) (== netcoreapp3.0) (== netstandard2.0) (== netstandard2.1)
      Microsoft.NETCore.Platforms (>= 1.1.1)
      Microsoft.NETCore.Targets (>= 1.1.3)
    runtime.native.System.Security.Cryptography.Apple (4.3.1) - restriction: || (&& (== net472) (< net46)) (== netcoreapp2.1) (== netcoreapp2.2) (== netcoreapp3.0) (== netstandard2.0) (== netstandard2.1)
      runtime.osx.10.10-x64.runtime.native.System.Security.Cryptography.Apple (>= 4.3.1)
    runtime.native.System.Security.Cryptography.OpenSsl (4.3.3) - restriction: || (== netcoreapp2.1) (== netcoreapp2.2) (== netcoreapp3.0) (== netstandard2.0) (== netstandard2.1)
      runtime.debian.8-x64.runtime.native.System.Security.Cryptography.OpenSsl (>= 4.3.3)
      runtime.debian.9-x64.runtime.native.System.Security.Cryptography.OpenSsl (>= 4.3.3)
      runtime.fedora.23-x64.runtime.native.System.Security.Cryptography.OpenSsl (>= 4.3.3)
      runtime.fedora.24-x64.runtime.native.System.Security.Cryptography.OpenSsl (>= 4.3.3)
      runtime.fedora.27-x64.runtime.native.System.Security.Cryptography.OpenSsl (>= 4.3.3)
      runtime.fedora.28-x64.runtime.native.System.Security.Cryptography.OpenSsl (>= 4.3.3)
      runtime.opensuse.13.2-x64.runtime.native.System.Security.Cryptography.OpenSsl (>= 4.3.3)
      runtime.opensuse.42.1-x64.runtime.native.System.Security.Cryptography.OpenSsl (>= 4.3.3)
      runtime.opensuse.42.3-x64.runtime.native.System.Security.Cryptography.OpenSsl (>= 4.3.3)
      runtime.osx.10.10-x64.runtime.native.System.Security.Cryptography.OpenSsl (>= 4.3.3)
      runtime.rhel.7-x64.runtime.native.System.Security.Cryptography.OpenSsl (>= 4.3.3)
      runtime.ubuntu.14.04-x64.runtime.native.System.Security.Cryptography.OpenSsl (>= 4.3.3)
      runtime.ubuntu.16.04-x64.runtime.native.System.Security.Cryptography.OpenSsl (>= 4.3.3)
      runtime.ubuntu.16.10-x64.runtime.native.System.Security.Cryptography.OpenSsl (>= 4.3.3)
      runtime.ubuntu.18.04-x64.runtime.native.System.Security.Cryptography.OpenSsl (>= 4.3.3)
    runtime.opensuse.13.2-x64.runtime.native.System.Security.Cryptography.OpenSsl (4.3.3) - restriction: || (== netcoreapp2.1) (== netcoreapp2.2) (== netcoreapp3.0) (== netstandard2.0) (== netstandard2.1)
    runtime.opensuse.42.1-x64.runtime.native.System.Security.Cryptography.OpenSsl (4.3.3) - restriction: || (== netcoreapp2.1) (== netcoreapp2.2) (== netcoreapp3.0) (== netstandard2.0) (== netstandard2.1)
    runtime.opensuse.42.3-x64.runtime.native.System.Security.Cryptography.OpenSsl (4.3.3) - restriction: || (== netcoreapp2.1) (== netcoreapp2.2) (== netcoreapp3.0) (== netstandard2.0) (== netstandard2.1)
    runtime.osx.10.10-x64.runtime.native.System.Security.Cryptography.Apple (4.3.1) - restriction: || (&& (== net472) (< net46)) (== netcoreapp2.1) (== netcoreapp2.2) (== netcoreapp3.0) (== netstandard2.0) (== netstandard2.1)
    runtime.osx.10.10-x64.runtime.native.System.Security.Cryptography.OpenSsl (4.3.3) - restriction: || (== netcoreapp2.1) (== netcoreapp2.2) (== netcoreapp3.0) (== netstandard2.0) (== netstandard2.1)
    runtime.rhel.7-x64.runtime.native.System.Security.Cryptography.OpenSsl (4.3.3) - restriction: || (== netcoreapp2.1) (== netcoreapp2.2) (== netcoreapp3.0) (== netstandard2.0) (== netstandard2.1)
    runtime.ubuntu.14.04-x64.runtime.native.System.Security.Cryptography.OpenSsl (4.3.3) - restriction: || (== netcoreapp2.1) (== netcoreapp2.2) (== netcoreapp3.0) (== netstandard2.0) (== netstandard2.1)
    runtime.ubuntu.16.04-x64.runtime.native.System.Security.Cryptography.OpenSsl (4.3.3) - restriction: || (== netcoreapp2.1) (== netcoreapp2.2) (== netcoreapp3.0) (== netstandard2.0) (== netstandard2.1)
    runtime.ubuntu.16.10-x64.runtime.native.System.Security.Cryptography.OpenSsl (4.3.3) - restriction: || (== netcoreapp2.1) (== netcoreapp2.2) (== netcoreapp3.0) (== netstandard2.0) (== netstandard2.1)
    runtime.ubuntu.18.04-x64.runtime.native.System.Security.Cryptography.OpenSsl (4.3.3) - restriction: || (== netcoreapp2.1) (== netcoreapp2.2) (== netcoreapp3.0) (== netstandard2.0) (== netstandard2.1)
    Sln (0.3)
    System.Buffers (4.5)
    System.CodeDom (4.7) - restriction: || (== netcoreapp2.1) (== netcoreapp2.2) (== netcoreapp3.0) (== netstandard2.0) (== netstandard2.1)
    System.Collections (4.3) - restriction: || (== netcoreapp2.1) (== netcoreapp2.2) (== netcoreapp3.0) (== netstandard2.0) (== netstandard2.1)
      Microsoft.NETCore.Platforms (>= 1.1) - restriction: || (&& (== net472) (< net45)) (== netcoreapp2.1) (== netcoreapp2.2) (== netcoreapp3.0) (== netstandard2.0) (== netstandard2.1)
      Microsoft.NETCore.Targets (>= 1.1) - restriction: || (&& (== net472) (< net45)) (== netcoreapp2.1) (== netcoreapp2.2) (== netcoreapp3.0) (== netstandard2.0) (== netstandard2.1)
      System.Runtime (>= 4.3) - restriction: || (&& (== net472) (< net45)) (== netcoreapp2.1) (== netcoreapp2.2) (== netcoreapp3.0) (== netstandard2.0) (== netstandard2.1)
    System.Collections.Concurrent (4.3) - restriction: || (== netcoreapp2.1) (== netcoreapp2.2) (== netcoreapp3.0) (== netstandard2.0) (== netstandard2.1)
      System.Collections (>= 4.3) - restriction: || (&& (== net472) (< net45)) (== netcoreapp2.1) (== netcoreapp2.2) (== netcoreapp3.0) (== netstandard2.0) (== netstandard2.1)
      System.Diagnostics.Debug (>= 4.3) - restriction: || (&& (== net472) (< net45)) (== netcoreapp2.1) (== netcoreapp2.2) (== netcoreapp3.0) (== netstandard2.0) (== netstandard2.1)
      System.Diagnostics.Tracing (>= 4.3) - restriction: || (&& (== net472) (< net45)) (== netcoreapp2.1) (== netcoreapp2.2) (== netcoreapp3.0) (== netstandard2.0) (== netstandard2.1)
      System.Globalization (>= 4.3) - restriction: || (&& (== net472) (< net45)) (== netcoreapp2.1) (== netcoreapp2.2) (== netcoreapp3.0) (== netstandard2.0) (== netstandard2.1)
      System.Reflection (>= 4.3) - restriction: || (&& (== net472) (< net45)) (== netcoreapp2.1) (== netcoreapp2.2) (== netcoreapp3.0) (== netstandard2.0) (== netstandard2.1)
      System.Resources.ResourceManager (>= 4.3) - restriction: || (&& (== net472) (< net45)) (== netcoreapp2.1) (== netcoreapp2.2) (== netcoreapp3.0) (== netstandard2.0) (== netstandard2.1)
      System.Runtime (>= 4.3) - restriction: || (&& (== net472) (< net45)) (== netcoreapp2.1) (== netcoreapp2.2) (== netcoreapp3.0) (== netstandard2.0) (== netstandard2.1)
      System.Runtime.Extensions (>= 4.3) - restriction: || (&& (== net472) (< net45)) (== netcoreapp2.1) (== netcoreapp2.2) (== netcoreapp3.0) (== netstandard2.0) (== netstandard2.1)
      System.Threading (>= 4.3) - restriction: || (&& (== net472) (< net45)) (== netcoreapp2.1) (== netcoreapp2.2) (== netcoreapp3.0) (== netstandard2.0) (== netstandard2.1)
      System.Threading.Tasks (>= 4.3) - restriction: || (&& (== net472) (< net45)) (== netcoreapp2.1) (== netcoreapp2.2) (== netcoreapp3.0) (== netstandard2.0) (== netstandard2.1)
    System.Collections.Immutable (1.7)
      System.Memory (>= 4.5.3) - restriction: || (== net472) (&& (== netcoreapp2.1) (>= net46)) (&& (== netcoreapp2.1) (< netstandard2.0)) (&& (== netcoreapp2.1) (>= uap10.1)) (&& (== netcoreapp2.2) (>= net46)) (&& (== netcoreapp2.2) (< netcoreapp2.1)) (&& (== netcoreapp2.2) (< netstandard2.0)) (&& (== netcoreapp2.2) (>= uap10.1)) (&& (== netcoreapp3.0) (>= net46)) (&& (== netcoreapp3.0) (< netcoreapp2.1)) (&& (== netcoreapp3.0) (< netstandard2.0)) (&& (== netcoreapp3.0) (>= uap10.1)) (== netstandard2.0) (== netstandard2.1)
    System.Diagnostics.Debug (4.3) - restriction: || (== netcoreapp2.1) (== netcoreapp2.2) (== netcoreapp3.0) (== netstandard2.0) (== netstandard2.1)
      Microsoft.NETCore.Platforms (>= 1.1) - restriction: || (&& (== net472) (< net45)) (== netcoreapp2.1) (== netcoreapp2.2) (== netcoreapp3.0) (== netstandard2.0) (== netstandard2.1)
      Microsoft.NETCore.Targets (>= 1.1) - restriction: || (&& (== net472) (< net45)) (== netcoreapp2.1) (== netcoreapp2.2) (== netcoreapp3.0) (== netstandard2.0) (== netstandard2.1)
      System.Runtime (>= 4.3) - restriction: || (&& (== net472) (< net45)) (== netcoreapp2.1) (== netcoreapp2.2) (== netcoreapp3.0) (== netstandard2.0) (== netstandard2.1)
    System.Diagnostics.DiagnosticSource (4.7) - restriction: || (== netcoreapp2.1) (== netcoreapp2.2) (== netcoreapp3.0) (== netstandard2.0) (== netstandard2.1)
      System.Memory (>= 4.5.3) - restriction: || (== net472) (&& (== netcoreapp2.1) (>= net45) (< netstandard1.3)) (&& (== netcoreapp2.1) (>= net46)) (&& (== netcoreapp2.1) (< netstandard2.0)) (&& (== netcoreapp2.1) (>= uap10.1)) (&& (== netcoreapp2.2) (>= net45) (< netstandard1.3)) (&& (== netcoreapp2.2) (>= net46)) (&& (== netcoreapp2.2) (< netcoreapp2.1)) (&& (== netcoreapp2.2) (< netstandard2.0)) (&& (== netcoreapp2.2) (>= uap10.1)) (&& (== netcoreapp3.0) (>= net45) (< netstandard1.3)) (&& (== netcoreapp3.0) (>= net46)) (&& (== netcoreapp3.0) (< netcoreapp2.1)) (&& (== netcoreapp3.0) (< netstandard2.0)) (&& (== netcoreapp3.0) (>= uap10.1)) (== netstandard2.0) (== netstandard2.1)
    System.Diagnostics.Process (4.3) - restriction: || (&& (== net472) (< net461)) (== netcoreapp2.1) (== netcoreapp2.2) (== netcoreapp3.0) (== netstandard2.0) (== netstandard2.1)
      Microsoft.NETCore.Platforms (>= 1.1) - restriction: || (&& (== net472) (< net46)) (== netcoreapp2.1) (== netcoreapp2.2) (== netcoreapp3.0) (== netstandard2.0) (== netstandard2.1)
      Microsoft.Win32.Primitives (>= 4.3) - restriction: || (&& (== net472) (< net46)) (== netcoreapp2.1) (== netcoreapp2.2) (== netcoreapp3.0) (== netstandard2.0) (== netstandard2.1)
      Microsoft.Win32.Registry (>= 4.3) - restriction: || (&& (== net472) (< net46)) (== netcoreapp2.1) (== netcoreapp2.2) (== netcoreapp3.0) (== netstandard2.0) (== netstandard2.1)
      runtime.native.System (>= 4.3) - restriction: || (&& (== net472) (< net46)) (== netcoreapp2.1) (== netcoreapp2.2) (== netcoreapp3.0) (== netstandard2.0) (== netstandard2.1)
      System.Collections (>= 4.3) - restriction: || (&& (== net472) (< net46)) (== netcoreapp2.1) (== netcoreapp2.2) (== netcoreapp3.0) (== netstandard2.0) (== netstandard2.1)
      System.Diagnostics.Debug (>= 4.3) - restriction: || (&& (== net472) (< net46)) (== netcoreapp2.1) (== netcoreapp2.2) (== netcoreapp3.0) (== netstandard2.0) (== netstandard2.1)
      System.Globalization (>= 4.3) - restriction: || (&& (== net472) (< net46)) (== netcoreapp2.1) (== netcoreapp2.2) (== netcoreapp3.0) (== netstandard2.0) (== netstandard2.1)
      System.IO (>= 4.3) - restriction: || (&& (== net472) (< net46)) (== netcoreapp2.1) (== netcoreapp2.2) (== netcoreapp3.0) (== netstandard2.0) (== netstandard2.1)
      System.IO.FileSystem (>= 4.3) - restriction: || (&& (== net472) (< net46)) (== netcoreapp2.1) (== netcoreapp2.2) (== netcoreapp3.0) (== netstandard2.0) (== netstandard2.1)
      System.IO.FileSystem.Primitives (>= 4.3) - restriction: || (&& (== net472) (< net46)) (== netcoreapp2.1) (== netcoreapp2.2) (== netcoreapp3.0) (== netstandard2.0) (== netstandard2.1)
      System.Resources.ResourceManager (>= 4.3) - restriction: || (&& (== net472) (< net46)) (== netcoreapp2.1) (== netcoreapp2.2) (== netcoreapp3.0) (== netstandard2.0) (== netstandard2.1)
      System.Runtime (>= 4.3) - restriction: || (&& (== net472) (< net46)) (== netcoreapp2.1) (== netcoreapp2.2) (== netcoreapp3.0) (== netstandard2.0) (== netstandard2.1)
      System.Runtime.Extensions (>= 4.3) - restriction: || (&& (== net472) (< net46)) (== netcoreapp2.1) (== netcoreapp2.2) (== netcoreapp3.0) (== netstandard2.0) (== netstandard2.1)
      System.Runtime.Handles (>= 4.3) - restriction: || (&& (== net472) (< net46)) (== netcoreapp2.1) (== netcoreapp2.2) (== netcoreapp3.0) (== netstandard2.0) (== netstandard2.1)
      System.Runtime.InteropServices (>= 4.3) - restriction: || (&& (== net472) (< net46)) (== netcoreapp2.1) (== netcoreapp2.2) (== netcoreapp3.0) (== netstandard2.0) (== netstandard2.1)
      System.Text.Encoding (>= 4.3) - restriction: || (&& (== net472) (< net46)) (== netcoreapp2.1) (== netcoreapp2.2) (== netcoreapp3.0) (== netstandard2.0) (== netstandard2.1)
      System.Text.Encoding.Extensions (>= 4.3) - restriction: || (&& (== net472) (< net46)) (== netcoreapp2.1) (== netcoreapp2.2) (== netcoreapp3.0) (== netstandard2.0) (== netstandard2.1)
      System.Threading (>= 4.3) - restriction: || (&& (== net472) (< net46)) (== netcoreapp2.1) (== netcoreapp2.2) (== netcoreapp3.0) (== netstandard2.0) (== netstandard2.1)
      System.Threading.Tasks (>= 4.3) - restriction: || (&& (== net472) (< net46)) (== netcoreapp2.1) (== netcoreapp2.2) (== netcoreapp3.0) (== netstandard2.0) (== netstandard2.1)
      System.Threading.Thread (>= 4.3) - restriction: || (&& (== net472) (< net46)) (== netcoreapp2.1) (== netcoreapp2.2) (== netcoreapp3.0) (== netstandard2.0) (== netstandard2.1)
      System.Threading.ThreadPool (>= 4.3) - restriction: || (&& (== net472) (< net46)) (== netcoreapp2.1) (== netcoreapp2.2) (== netcoreapp3.0) (== netstandard2.0) (== netstandard2.1)
    System.Diagnostics.TraceSource (4.3) - restriction: || (&& (== net472) (< net461)) (&& (== net472) (>= netcoreapp2.1)) (== netcoreapp2.1) (== netcoreapp2.2) (== netcoreapp3.0) (== netstandard2.0) (== netstandard2.1)
      Microsoft.NETCore.Platforms (>= 1.1) - restriction: || (&& (== net472) (< net46)) (== netcoreapp2.1) (== netcoreapp2.2) (== netcoreapp3.0) (== netstandard2.0) (== netstandard2.1)
      runtime.native.System (>= 4.3) - restriction: || (&& (== net472) (< net46)) (== netcoreapp2.1) (== netcoreapp2.2) (== netcoreapp3.0) (== netstandard2.0) (== netstandard2.1)
      System.Collections (>= 4.3) - restriction: || (&& (== net472) (< net46)) (== netcoreapp2.1) (== netcoreapp2.2) (== netcoreapp3.0) (== netstandard2.0) (== netstandard2.1)
      System.Diagnostics.Debug (>= 4.3) - restriction: || (&& (== net472) (< net46)) (== netcoreapp2.1) (== netcoreapp2.2) (== netcoreapp3.0) (== netstandard2.0) (== netstandard2.1)
      System.Globalization (>= 4.3) - restriction: || (&& (== net472) (< net46)) (== netcoreapp2.1) (== netcoreapp2.2) (== netcoreapp3.0) (== netstandard2.0) (== netstandard2.1)
      System.Resources.ResourceManager (>= 4.3) - restriction: || (&& (== net472) (< net46)) (== netcoreapp2.1) (== netcoreapp2.2) (== netcoreapp3.0) (== netstandard2.0) (== netstandard2.1)
      System.Runtime (>= 4.3) - restriction: || (&& (== net472) (< net46)) (== netcoreapp2.1) (== netcoreapp2.2) (== netcoreapp3.0) (== netstandard2.0) (== netstandard2.1)
      System.Runtime.Extensions (>= 4.3) - restriction: || (&& (== net472) (< net46)) (== netcoreapp2.1) (== netcoreapp2.2) (== netcoreapp3.0) (== netstandard2.0) (== netstandard2.1)
      System.Threading (>= 4.3) - restriction: || (&& (== net472) (< net46)) (== netcoreapp2.1) (== netcoreapp2.2) (== netcoreapp3.0) (== netstandard2.0) (== netstandard2.1)
    System.Diagnostics.Tracing (4.3) - restriction: || (== netcoreapp2.1) (== netcoreapp2.2) (== netcoreapp3.0) (== netstandard2.0) (== netstandard2.1)
      Microsoft.NETCore.Platforms (>= 1.1) - restriction: || (&& (== net472) (< net45)) (== netcoreapp2.1) (== netcoreapp2.2) (== netcoreapp3.0) (== netstandard2.0) (== netstandard2.1)
      Microsoft.NETCore.Targets (>= 1.1) - restriction: || (&& (== net472) (< net45)) (== netcoreapp2.1) (== netcoreapp2.2) (== netcoreapp3.0) (== netstandard2.0) (== netstandard2.1)
      System.Runtime (>= 4.3) - restriction: || (&& (== net472) (< net45)) (== netcoreapp2.1) (== netcoreapp2.2) (== netcoreapp3.0) (== netstandard2.0) (== netstandard2.1)
    System.Globalization (4.3) - restriction: || (== netcoreapp2.1) (== netcoreapp2.2) (== netcoreapp3.0) (== netstandard2.0) (== netstandard2.1)
      Microsoft.NETCore.Platforms (>= 1.1) - restriction: || (&& (== net472) (< net45)) (== netcoreapp2.1) (== netcoreapp2.2) (== netcoreapp3.0) (== netstandard2.0) (== netstandard2.1)
      Microsoft.NETCore.Targets (>= 1.1) - restriction: || (&& (== net472) (< net45)) (== netcoreapp2.1) (== netcoreapp2.2) (== netcoreapp3.0) (== netstandard2.0) (== netstandard2.1)
      System.Runtime (>= 4.3) - restriction: || (&& (== net472) (< net45)) (== netcoreapp2.1) (== netcoreapp2.2) (== netcoreapp3.0) (== netstandard2.0) (== netstandard2.1)
    System.Globalization.Calendars (4.3) - restriction: || (== netcoreapp2.1) (== netcoreapp2.2) (== netcoreapp3.0) (== netstandard2.0) (== netstandard2.1)
      Microsoft.NETCore.Platforms (>= 1.1) - restriction: || (&& (== net472) (< net46)) (== netcoreapp2.1) (== netcoreapp2.2) (== netcoreapp3.0) (== netstandard2.0) (== netstandard2.1)
      Microsoft.NETCore.Targets (>= 1.1) - restriction: || (&& (== net472) (< net46)) (== netcoreapp2.1) (== netcoreapp2.2) (== netcoreapp3.0) (== netstandard2.0) (== netstandard2.1)
      System.Globalization (>= 4.3) - restriction: || (&& (== net472) (< net46)) (== netcoreapp2.1) (== netcoreapp2.2) (== netcoreapp3.0) (== netstandard2.0) (== netstandard2.1)
      System.Runtime (>= 4.3) - restriction: || (&& (== net472) (< net46)) (== netcoreapp2.1) (== netcoreapp2.2) (== netcoreapp3.0) (== netstandard2.0) (== netstandard2.1)
    System.Globalization.Extensions (4.3) - restriction: || (== netcoreapp2.1) (== netcoreapp2.2) (== netcoreapp3.0) (== netstandard2.0) (== netstandard2.1)
      Microsoft.NETCore.Platforms (>= 1.1) - restriction: || (&& (== net472) (< net46)) (== netcoreapp2.1) (== netcoreapp2.2) (== netcoreapp3.0) (== netstandard2.0) (== netstandard2.1)
      System.Globalization (>= 4.3) - restriction: || (&& (== net472) (< net46)) (== netcoreapp2.1) (== netcoreapp2.2) (== netcoreapp3.0) (== netstandard2.0) (== netstandard2.1)
      System.Resources.ResourceManager (>= 4.3) - restriction: || (&& (== net472) (< net46)) (== netcoreapp2.1) (== netcoreapp2.2) (== netcoreapp3.0) (== netstandard2.0) (== netstandard2.1)
      System.Runtime (>= 4.3) - restriction: || (&& (== net472) (< net46)) (== netcoreapp2.1) (== netcoreapp2.2) (== netcoreapp3.0) (== netstandard2.0) (== netstandard2.1)
      System.Runtime.Extensions (>= 4.3) - restriction: || (&& (== net472) (< net46)) (== netcoreapp2.1) (== netcoreapp2.2) (== netcoreapp3.0) (== netstandard2.0) (== netstandard2.1)
      System.Runtime.InteropServices (>= 4.3) - restriction: || (&& (== net472) (< net46)) (== netcoreapp2.1) (== netcoreapp2.2) (== netcoreapp3.0) (== netstandard2.0) (== netstandard2.1)
    System.IO (4.3) - restriction: || (== netcoreapp2.1) (== netcoreapp2.2) (== netcoreapp3.0) (== netstandard2.0) (== netstandard2.1)
      Microsoft.NETCore.Platforms (>= 1.1) - restriction: || (&& (== net472) (< net45)) (== netcoreapp2.1) (== netcoreapp2.2) (== netcoreapp3.0) (== netstandard2.0) (== netstandard2.1)
      Microsoft.NETCore.Targets (>= 1.1) - restriction: || (&& (== net472) (< net45)) (== netcoreapp2.1) (== netcoreapp2.2) (== netcoreapp3.0) (== netstandard2.0) (== netstandard2.1)
      System.Runtime (>= 4.3) - restriction: || (&& (== net472) (< net45)) (== netcoreapp2.1) (== netcoreapp2.2) (== netcoreapp3.0) (== netstandard2.0) (== netstandard2.1)
      System.Text.Encoding (>= 4.3) - restriction: || (&& (== net472) (< net45)) (== netcoreapp2.1) (== netcoreapp2.2) (== netcoreapp3.0) (== netstandard2.0) (== netstandard2.1)
      System.Threading.Tasks (>= 4.3) - restriction: || (&& (== net472) (< net45)) (== netcoreapp2.1) (== netcoreapp2.2) (== netcoreapp3.0) (== netstandard2.0) (== netstandard2.1)
    System.IO.FileSystem (4.3) - restriction: || (== netcoreapp2.1) (== netcoreapp2.2) (== netcoreapp3.0) (== netstandard2.0) (== netstandard2.1)
      Microsoft.NETCore.Platforms (>= 1.1) - restriction: || (&& (== net472) (< net46)) (== netcoreapp2.1) (== netcoreapp2.2) (== netcoreapp3.0) (== netstandard2.0) (== netstandard2.1)
      Microsoft.NETCore.Targets (>= 1.1) - restriction: || (&& (== net472) (< net46)) (== netcoreapp2.1) (== netcoreapp2.2) (== netcoreapp3.0) (== netstandard2.0) (== netstandard2.1)
      System.IO (>= 4.3) - restriction: || (&& (== net472) (< net46)) (== netcoreapp2.1) (== netcoreapp2.2) (== netcoreapp3.0) (== netstandard2.0) (== netstandard2.1)
      System.IO.FileSystem.Primitives (>= 4.3)
      System.Runtime (>= 4.3) - restriction: || (&& (== net472) (< net46)) (== netcoreapp2.1) (== netcoreapp2.2) (== netcoreapp3.0) (== netstandard2.0) (== netstandard2.1)
      System.Runtime.Handles (>= 4.3) - restriction: || (&& (== net472) (< net46)) (== netcoreapp2.1) (== netcoreapp2.2) (== netcoreapp3.0) (== netstandard2.0) (== netstandard2.1)
      System.Text.Encoding (>= 4.3) - restriction: || (&& (== net472) (< net46)) (== netcoreapp2.1) (== netcoreapp2.2) (== netcoreapp3.0) (== netstandard2.0) (== netstandard2.1)
      System.Threading.Tasks (>= 4.3) - restriction: || (&& (== net472) (< net46)) (== netcoreapp2.1) (== netcoreapp2.2) (== netcoreapp3.0) (== netstandard2.0) (== netstandard2.1)
    System.IO.FileSystem.Primitives (4.3) - restriction: || (&& (== net472) (< net46)) (== netcoreapp2.1) (== netcoreapp2.2) (== netcoreapp3.0) (== netstandard2.0) (== netstandard2.1)
      System.Runtime (>= 4.3) - restriction: || (&& (== net472) (< net46)) (== netcoreapp2.1) (== netcoreapp2.2) (== netcoreapp3.0) (== netstandard2.0) (== netstandard2.1)
    System.Linq (4.3) - restriction: || (== netcoreapp2.1) (== netcoreapp2.2) (== netcoreapp3.0) (== netstandard2.0) (== netstandard2.1)
      System.Collections (>= 4.3) - restriction: || (&& (== net472) (< net45)) (== netcoreapp2.1) (== netcoreapp2.2) (== netcoreapp3.0) (== netstandard2.0) (== netstandard2.1)
      System.Diagnostics.Debug (>= 4.3) - restriction: || (&& (== net472) (< net45)) (== netcoreapp2.1) (== netcoreapp2.2) (== netcoreapp3.0) (== netstandard2.0) (== netstandard2.1)
      System.Resources.ResourceManager (>= 4.3) - restriction: || (&& (== net472) (< net45)) (== netcoreapp2.1) (== netcoreapp2.2) (== netcoreapp3.0) (== netstandard2.0) (== netstandard2.1)
      System.Runtime (>= 4.3) - restriction: || (&& (== net472) (< net45)) (== netcoreapp2.1) (== netcoreapp2.2) (== netcoreapp3.0) (== netstandard2.0) (== netstandard2.1)
      System.Runtime.Extensions (>= 4.3) - restriction: || (&& (== net472) (< net45)) (== netcoreapp2.1) (== netcoreapp2.2) (== netcoreapp3.0) (== netstandard2.0) (== netstandard2.1)
    System.Linq.Parallel (4.3) - restriction: || (== netcoreapp2.1) (== netcoreapp2.2) (== netcoreapp3.0) (== netstandard2.0) (== netstandard2.1)
      System.Collections (>= 4.3) - restriction: || (&& (== net472) (< net45)) (== netcoreapp2.1) (== netcoreapp2.2) (== netcoreapp3.0) (== netstandard2.0) (== netstandard2.1)
      System.Collections.Concurrent (>= 4.3) - restriction: || (&& (== net472) (< net45)) (== netcoreapp2.1) (== netcoreapp2.2) (== netcoreapp3.0) (== netstandard2.0) (== netstandard2.1)
      System.Diagnostics.Debug (>= 4.3) - restriction: || (&& (== net472) (< net45)) (== netcoreapp2.1) (== netcoreapp2.2) (== netcoreapp3.0) (== netstandard2.0) (== netstandard2.1)
      System.Diagnostics.Tracing (>= 4.3) - restriction: || (&& (== net472) (< net45)) (== netcoreapp2.1) (== netcoreapp2.2) (== netcoreapp3.0) (== netstandard2.0) (== netstandard2.1)
      System.Linq (>= 4.3) - restriction: || (&& (== net472) (< net45)) (== netcoreapp2.1) (== netcoreapp2.2) (== netcoreapp3.0) (== netstandard2.0) (== netstandard2.1)
      System.Resources.ResourceManager (>= 4.3) - restriction: || (&& (== net472) (< net45)) (== netcoreapp2.1) (== netcoreapp2.2) (== netcoreapp3.0) (== netstandard2.0) (== netstandard2.1)
      System.Runtime (>= 4.3) - restriction: || (&& (== net472) (< net45)) (== netcoreapp2.1) (== netcoreapp2.2) (== netcoreapp3.0) (== netstandard2.0) (== netstandard2.1)
      System.Runtime.Extensions (>= 4.3) - restriction: || (&& (== net472) (< net45)) (== netcoreapp2.1) (== netcoreapp2.2) (== netcoreapp3.0) (== netstandard2.0) (== netstandard2.1)
      System.Threading (>= 4.3) - restriction: || (&& (== net472) (< net45)) (== netcoreapp2.1) (== netcoreapp2.2) (== netcoreapp3.0) (== netstandard2.0) (== netstandard2.1)
      System.Threading.Tasks (>= 4.3) - restriction: || (&& (== net472) (< net45)) (== netcoreapp2.1) (== netcoreapp2.2) (== netcoreapp3.0) (== netstandard2.0) (== netstandard2.1)
    System.Memory (4.5.3)
      System.Buffers (>= 4.4) - restriction: || (== net472) (&& (== netcoreapp2.1) (>= monotouch)) (&& (== netcoreapp2.1) (>= net461)) (&& (== netcoreapp2.1) (< netcoreapp2.0)) (&& (== netcoreapp2.1) (< netstandard1.1)) (&& (== netcoreapp2.1) (< netstandard2.0)) (&& (== netcoreapp2.1) (>= xamarinios)) (&& (== netcoreapp2.1) (>= xamarinmac)) (&& (== netcoreapp2.1) (>= xamarintvos)) (&& (== netcoreapp2.1) (>= xamarinwatchos)) (&& (== netcoreapp2.2) (>= monotouch)) (&& (== netcoreapp2.2) (>= net461)) (&& (== netcoreapp2.2) (< netcoreapp2.0)) (&& (== netcoreapp2.2) (< netstandard1.1)) (&& (== netcoreapp2.2) (< netstandard2.0)) (&& (== netcoreapp2.2) (>= xamarinios)) (&& (== netcoreapp2.2) (>= xamarinmac)) (&& (== netcoreapp2.2) (>= xamarintvos)) (&& (== netcoreapp2.2) (>= xamarinwatchos)) (&& (== netcoreapp3.0) (>= monotouch)) (&& (== netcoreapp3.0) (>= net461)) (&& (== netcoreapp3.0) (< netcoreapp2.0)) (&& (== netcoreapp3.0) (< netstandard1.1)) (&& (== netcoreapp3.0) (< netstandard2.0)) (&& (== netcoreapp3.0) (>= xamarinios)) (&& (== netcoreapp3.0) (>= xamarinmac)) (&& (== netcoreapp3.0) (>= xamarintvos)) (&& (== netcoreapp3.0) (>= xamarinwatchos)) (== netstandard2.0) (== netstandard2.1)
      System.Numerics.Vectors (>= 4.4) - restriction: || (== net472) (&& (== netcoreapp2.1) (>= net461)) (&& (== netcoreapp2.1) (< netcoreapp2.0)) (&& (== netcoreapp2.2) (>= net461)) (&& (== netcoreapp2.2) (< netcoreapp2.0)) (&& (== netcoreapp3.0) (>= net461)) (&& (== netcoreapp3.0) (< netcoreapp2.0)) (== netstandard2.0) (== netstandard2.1)
      System.Runtime.CompilerServices.Unsafe (>= 4.5.2) - restriction: || (== net472) (&& (== netcoreapp2.1) (>= monotouch)) (&& (== netcoreapp2.1) (>= net461)) (&& (== netcoreapp2.1) (< netcoreapp2.0)) (&& (== netcoreapp2.1) (< netstandard1.1)) (&& (== netcoreapp2.1) (< netstandard2.0)) (&& (== netcoreapp2.1) (>= uap10.1)) (&& (== netcoreapp2.1) (>= xamarinios)) (&& (== netcoreapp2.1) (>= xamarinmac)) (&& (== netcoreapp2.1) (>= xamarintvos)) (&& (== netcoreapp2.1) (>= xamarinwatchos)) (&& (== netcoreapp2.2) (>= monotouch)) (&& (== netcoreapp2.2) (>= net461)) (&& (== netcoreapp2.2) (< netcoreapp2.0)) (&& (== netcoreapp2.2) (< netcoreapp2.1)) (&& (== netcoreapp2.2) (< netstandard1.1)) (&& (== netcoreapp2.2) (< netstandard2.0)) (&& (== netcoreapp2.2) (>= uap10.1)) (&& (== netcoreapp2.2) (>= xamarinios)) (&& (== netcoreapp2.2) (>= xamarinmac)) (&& (== netcoreapp2.2) (>= xamarintvos)) (&& (== netcoreapp2.2) (>= xamarinwatchos)) (&& (== netcoreapp3.0) (>= monotouch)) (&& (== netcoreapp3.0) (>= net461)) (&& (== netcoreapp3.0) (< netcoreapp2.0)) (&& (== netcoreapp3.0) (< netcoreapp2.1)) (&& (== netcoreapp3.0) (< netstandard1.1)) (&& (== netcoreapp3.0) (< netstandard2.0)) (&& (== netcoreapp3.0) (>= uap10.1)) (&& (== netcoreapp3.0) (>= xamarinios)) (&& (== netcoreapp3.0) (>= xamarinmac)) (&& (== netcoreapp3.0) (>= xamarintvos)) (&& (== netcoreapp3.0) (>= xamarinwatchos)) (== netstandard2.0) (== netstandard2.1)
    System.Net.Http (4.3.4) - restriction: || (== netcoreapp2.1) (== netcoreapp2.2) (== netcoreapp3.0) (== netstandard2.0) (== netstandard2.1)
      Microsoft.NETCore.Platforms (>= 1.1.1) - restriction: || (&& (== net472) (< net45)) (== netcoreapp2.1) (== netcoreapp2.2) (== netcoreapp3.0) (== netstandard2.0) (== netstandard2.1)
      runtime.native.System (>= 4.3) - restriction: || (&& (== net472) (< net45)) (== netcoreapp2.1) (== netcoreapp2.2) (== netcoreapp3.0) (== netstandard2.0) (== netstandard2.1)
      runtime.native.System.Net.Http (>= 4.3) - restriction: || (&& (== net472) (< net45)) (== netcoreapp2.1) (== netcoreapp2.2) (== netcoreapp3.0) (== netstandard2.0) (== netstandard2.1)
      runtime.native.System.Security.Cryptography.OpenSsl (>= 4.3.2) - restriction: || (&& (== net472) (< net45)) (== netcoreapp2.1) (== netcoreapp2.2) (== netcoreapp3.0) (== netstandard2.0) (== netstandard2.1)
      System.Collections (>= 4.3) - restriction: || (&& (== net472) (< net45)) (== netcoreapp2.1) (== netcoreapp2.2) (== netcoreapp3.0) (== netstandard2.0) (== netstandard2.1)
      System.Diagnostics.Debug (>= 4.3) - restriction: || (&& (== net472) (< net45)) (== netcoreapp2.1) (== netcoreapp2.2) (== netcoreapp3.0) (== netstandard2.0) (== netstandard2.1)
      System.Diagnostics.DiagnosticSource (>= 4.3) - restriction: || (&& (== net472) (< net45)) (== netcoreapp2.1) (== netcoreapp2.2) (== netcoreapp3.0) (== netstandard2.0) (== netstandard2.1)
      System.Diagnostics.Tracing (>= 4.3) - restriction: || (&& (== net472) (< net45)) (== netcoreapp2.1) (== netcoreapp2.2) (== netcoreapp3.0) (== netstandard2.0) (== netstandard2.1)
      System.Globalization (>= 4.3) - restriction: || (&& (== net472) (< net45)) (== netcoreapp2.1) (== netcoreapp2.2) (== netcoreapp3.0) (== netstandard2.0) (== netstandard2.1)
      System.Globalization.Extensions (>= 4.3) - restriction: || (&& (== net472) (< net45)) (== netcoreapp2.1) (== netcoreapp2.2) (== netcoreapp3.0) (== netstandard2.0) (== netstandard2.1)
      System.IO (>= 4.3) - restriction: || (&& (== net472) (< net45)) (== netcoreapp2.1) (== netcoreapp2.2) (== netcoreapp3.0) (== netstandard2.0) (== netstandard2.1)
      System.IO.FileSystem (>= 4.3) - restriction: || (&& (== net472) (< net45)) (== netcoreapp2.1) (== netcoreapp2.2) (== netcoreapp3.0) (== netstandard2.0) (== netstandard2.1)
      System.Net.Primitives (>= 4.3) - restriction: || (&& (== net472) (< net45)) (== netcoreapp2.1) (== netcoreapp2.2) (== netcoreapp3.0) (== netstandard2.0) (== netstandard2.1)
      System.Resources.ResourceManager (>= 4.3) - restriction: || (&& (== net472) (< net45)) (== netcoreapp2.1) (== netcoreapp2.2) (== netcoreapp3.0) (== netstandard2.0) (== netstandard2.1)
      System.Runtime (>= 4.3) - restriction: || (&& (== net472) (< net45)) (== netcoreapp2.1) (== netcoreapp2.2) (== netcoreapp3.0) (== netstandard2.0) (== netstandard2.1)
      System.Runtime.Extensions (>= 4.3) - restriction: || (&& (== net472) (< net45)) (== netcoreapp2.1) (== netcoreapp2.2) (== netcoreapp3.0) (== netstandard2.0) (== netstandard2.1)
      System.Runtime.Handles (>= 4.3) - restriction: || (&& (== net472) (< net45)) (== netcoreapp2.1) (== netcoreapp2.2) (== netcoreapp3.0) (== netstandard2.0) (== netstandard2.1)
      System.Runtime.InteropServices (>= 4.3) - restriction: || (&& (== net472) (< net45)) (== netcoreapp2.1) (== netcoreapp2.2) (== netcoreapp3.0) (== netstandard2.0) (== netstandard2.1)
      System.Security.Cryptography.Algorithms (>= 4.3) - restriction: || (&& (== net472) (< net45)) (== netcoreapp2.1) (== netcoreapp2.2) (== netcoreapp3.0) (== netstandard2.0) (== netstandard2.1)
      System.Security.Cryptography.Encoding (>= 4.3) - restriction: || (&& (== net472) (< net45)) (== netcoreapp2.1) (== netcoreapp2.2) (== netcoreapp3.0) (== netstandard2.0) (== netstandard2.1)
      System.Security.Cryptography.OpenSsl (>= 4.3) - restriction: || (&& (== net472) (< net45)) (== netcoreapp2.1) (== netcoreapp2.2) (== netcoreapp3.0) (== netstandard2.0) (== netstandard2.1)
      System.Security.Cryptography.Primitives (>= 4.3) - restriction: || (&& (== net472) (< net45)) (== netcoreapp2.1) (== netcoreapp2.2) (== netcoreapp3.0) (== netstandard2.0) (== netstandard2.1)
      System.Security.Cryptography.X509Certificates (>= 4.3)
      System.Text.Encoding (>= 4.3) - restriction: || (&& (== net472) (< net45)) (== netcoreapp2.1) (== netcoreapp2.2) (== netcoreapp3.0) (== netstandard2.0) (== netstandard2.1)
      System.Threading (>= 4.3) - restriction: || (&& (== net472) (< net45)) (== netcoreapp2.1) (== netcoreapp2.2) (== netcoreapp3.0) (== netstandard2.0) (== netstandard2.1)
      System.Threading.Tasks (>= 4.3) - restriction: || (&& (== net472) (< net45)) (== netcoreapp2.1) (== netcoreapp2.2) (== netcoreapp3.0) (== netstandard2.0) (== netstandard2.1)
    System.Net.Primitives (4.3.1) - restriction: || (== netcoreapp2.1) (== netcoreapp2.2) (== netcoreapp3.0) (== netstandard2.0) (== netstandard2.1)
      Microsoft.NETCore.Platforms (>= 1.1.1) - restriction: || (&& (== net472) (< net45)) (&& (== net472) (< netstandard1.1)) (== netcoreapp2.1) (== netcoreapp2.2) (== netcoreapp3.0) (== netstandard2.0) (== netstandard2.1)
      Microsoft.NETCore.Targets (>= 1.1.3) - restriction: || (&& (== net472) (< net45)) (&& (== net472) (< netstandard1.1)) (== netcoreapp2.1) (== netcoreapp2.2) (== netcoreapp3.0) (== netstandard2.0) (== netstandard2.1)
      System.Runtime (>= 4.3.1) - restriction: || (&& (== net472) (< net45)) (&& (== net472) (< netstandard1.1)) (== netcoreapp2.1) (== netcoreapp2.2) (== netcoreapp3.0) (== netstandard2.0) (== netstandard2.1)
      System.Runtime.Handles (>= 4.3) - restriction: || (&& (== net472) (< net45)) (== netcoreapp2.1) (== netcoreapp2.2) (== netcoreapp3.0) (== netstandard2.0) (== netstandard2.1)
    System.Numerics.Vectors (4.5) - restriction: || (== net472) (&& (== netcoreapp2.1) (== netstandard2.0)) (&& (== netcoreapp2.1) (== netstandard2.1)) (&& (== netcoreapp2.1) (>= net461)) (&& (== netcoreapp2.1) (< netcoreapp2.0)) (&& (== netcoreapp2.2) (== netstandard2.0)) (&& (== netcoreapp2.2) (== netstandard2.1)) (&& (== netcoreapp2.2) (>= net461)) (&& (== netcoreapp2.2) (< netcoreapp2.0)) (&& (== netcoreapp3.0) (== netstandard2.0)) (&& (== netcoreapp3.0) (== netstandard2.1)) (&& (== netcoreapp3.0) (>= net461)) (&& (== netcoreapp3.0) (< netcoreapp2.0)) (&& (== netstandard2.0) (>= net472)) (&& (== netstandard2.0) (>= netcoreapp2.1)) (&& (== netstandard2.1) (>= net472)) (&& (== netstandard2.1) (>= netcoreapp2.1))
    System.Reflection (4.3) - restriction: || (&& (== net472) (< net461)) (== netcoreapp2.1) (== netcoreapp2.2) (== netcoreapp3.0) (== netstandard2.0) (== netstandard2.1)
      Microsoft.NETCore.Platforms (>= 1.1) - restriction: || (&& (== net472) (< net45)) (== netcoreapp2.1) (== netcoreapp2.2) (== netcoreapp3.0) (== netstandard2.0) (== netstandard2.1)
      Microsoft.NETCore.Targets (>= 1.1) - restriction: || (&& (== net472) (< net45)) (== netcoreapp2.1) (== netcoreapp2.2) (== netcoreapp3.0) (== netstandard2.0) (== netstandard2.1)
      System.IO (>= 4.3) - restriction: || (&& (== net472) (< net45)) (== netcoreapp2.1) (== netcoreapp2.2) (== netcoreapp3.0) (== netstandard2.0) (== netstandard2.1)
      System.Reflection.Primitives (>= 4.3) - restriction: || (&& (== net472) (< net45)) (== netcoreapp2.1) (== netcoreapp2.2) (== netcoreapp3.0) (== netstandard2.0) (== netstandard2.1)
      System.Runtime (>= 4.3) - restriction: || (&& (== net472) (< net45)) (== netcoreapp2.1) (== netcoreapp2.2) (== netcoreapp3.0) (== netstandard2.0) (== netstandard2.1)
    System.Reflection.Emit (4.7) - restriction: || (&& (== net472) (< net461)) (== netcoreapp2.1) (== netcoreapp2.2) (== netcoreapp3.0) (== netstandard2.0) (== netstandard2.1)
      System.Reflection.Emit.ILGeneration (>= 4.7) - restriction: || (&& (== net472) (== netcoreapp2.1)) (&& (== net472) (== netcoreapp2.2)) (&& (== net472) (== netcoreapp3.0)) (&& (== net472) (== netstandard2.1)) (&& (== net472) (< net45)) (&& (== net472) (< netstandard1.1)) (&& (== net472) (< netstandard2.0) (>= wpa81)) (&& (== net472) (>= uap10.1)) (&& (== netcoreapp2.1) (== netstandard2.1)) (&& (== netcoreapp2.1) (< netcoreapp2.0)) (&& (== netcoreapp2.1) (< netstandard1.1)) (&& (== netcoreapp2.1) (< netstandard2.0)) (&& (== netcoreapp2.1) (>= uap10.1)) (&& (== netcoreapp2.2) (== netstandard2.1)) (&& (== netcoreapp2.2) (< netcoreapp2.0)) (&& (== netcoreapp2.2) (< netstandard1.1)) (&& (== netcoreapp2.2) (< netstandard2.0)) (&& (== netcoreapp2.2) (>= uap10.1)) (&& (== netcoreapp3.0) (< netcoreapp2.0) (< netstandard2.1)) (&& (== netcoreapp3.0) (< netstandard1.1)) (&& (== netcoreapp3.0) (< netstandard2.0)) (&& (== netcoreapp3.0) (>= uap10.1)) (== netstandard2.0) (&& (== netstandard2.1) (< netstandard1.1)) (&& (== netstandard2.1) (< netstandard2.0)) (&& (== netstandard2.1) (>= uap10.1))
    System.Reflection.Emit.ILGeneration (4.7) - restriction: || (&& (== net472) (== netcoreapp2.1)) (&& (== net472) (== netcoreapp2.2)) (&& (== net472) (== netcoreapp3.0)) (&& (== net472) (== netstandard2.1)) (&& (== net472) (< net45)) (&& (== net472) (< netstandard1.1)) (&& (== net472) (< netstandard2.0) (>= wpa81)) (&& (== net472) (< portable-net45+wp8)) (&& (== net472) (>= uap10.1)) (&& (== netcoreapp2.1) (== netstandard2.1)) (&& (== netcoreapp2.1) (< netcoreapp2.0)) (&& (== netcoreapp2.1) (< netstandard1.1)) (&& (== netcoreapp2.1) (< netstandard2.0)) (&& (== netcoreapp2.1) (< portable-net45+wp8)) (&& (== netcoreapp2.1) (>= uap10.1)) (&& (== netcoreapp2.2) (== netstandard2.1)) (&& (== netcoreapp2.2) (< netcoreapp2.0)) (&& (== netcoreapp2.2) (< netstandard1.1)) (&& (== netcoreapp2.2) (< netstandard2.0)) (&& (== netcoreapp2.2) (< portable-net45+wp8)) (&& (== netcoreapp2.2) (>= uap10.1)) (&& (== netcoreapp3.0) (< netcoreapp2.0) (< netstandard2.1)) (&& (== netcoreapp3.0) (< netstandard1.1)) (&& (== netcoreapp3.0) (< netstandard2.0)) (&& (== netcoreapp3.0) (< portable-net45+wp8)) (&& (== netcoreapp3.0) (>= uap10.1)) (== netstandard2.0) (&& (== netstandard2.1) (< netstandard1.1)) (&& (== netstandard2.1) (< netstandard2.0)) (&& (== netstandard2.1) (< portable-net45+wp8)) (&& (== netstandard2.1) (>= uap10.1))
    System.Reflection.Emit.Lightweight (4.6)
      System.Reflection.Emit.ILGeneration (>= 4.6) - restriction: || (&& (== net472) (== netcoreapp2.1)) (&& (== net472) (== netcoreapp2.2)) (&& (== net472) (== netcoreapp3.0)) (&& (== net472) (== netstandard2.1)) (&& (== net472) (< net45)) (&& (== net472) (< netstandard2.0) (>= wpa81)) (&& (== net472) (< portable-net45+wp8)) (&& (== net472) (>= uap10.1)) (&& (== netcoreapp2.1) (== netstandard2.1)) (&& (== netcoreapp2.1) (< netcoreapp2.0)) (&& (== netcoreapp2.1) (< netstandard2.0)) (&& (== netcoreapp2.1) (< portable-net45+wp8)) (&& (== netcoreapp2.1) (>= uap10.1)) (&& (== netcoreapp2.2) (== netstandard2.1)) (&& (== netcoreapp2.2) (< netcoreapp2.0)) (&& (== netcoreapp2.2) (< netstandard2.0)) (&& (== netcoreapp2.2) (< portable-net45+wp8)) (&& (== netcoreapp2.2) (>= uap10.1)) (&& (== netcoreapp3.0) (< netcoreapp2.0) (< netstandard2.1)) (&& (== netcoreapp3.0) (< netstandard2.0)) (&& (== netcoreapp3.0) (< portable-net45+wp8)) (&& (== netcoreapp3.0) (>= uap10.1)) (== netstandard2.0) (&& (== netstandard2.1) (< netstandard2.0)) (&& (== netstandard2.1) (< portable-net45+wp8)) (&& (== netstandard2.1) (>= uap10.1))
    System.Reflection.Metadata (1.8)
      System.Collections.Immutable (>= 1.7)
    System.Reflection.Primitives (4.3) - restriction: || (== netcoreapp2.1) (== netcoreapp2.2) (== netcoreapp3.0) (== netstandard2.0) (== netstandard2.1)
      Microsoft.NETCore.Platforms (>= 1.1) - restriction: || (&& (== net472) (< net45)) (== netcoreapp2.1) (== netcoreapp2.2) (== netcoreapp3.0) (== netstandard2.0) (== netstandard2.1)
      Microsoft.NETCore.Targets (>= 1.1) - restriction: || (&& (== net472) (< net45)) (== netcoreapp2.1) (== netcoreapp2.2) (== netcoreapp3.0) (== netstandard2.0) (== netstandard2.1)
      System.Runtime (>= 4.3) - restriction: || (&& (== net472) (< net45)) (== netcoreapp2.1) (== netcoreapp2.2) (== netcoreapp3.0) (== netstandard2.0) (== netstandard2.1)
    System.Reflection.TypeExtensions (4.7) - restriction: || (&& (== net472) (< net461)) (&& (== net472) (>= netcoreapp2.1)) (== netcoreapp2.1) (== netcoreapp2.2) (== netcoreapp3.0) (== netstandard2.0) (== netstandard2.1)
    System.Resources.Extensions (4.7)
      System.Memory (>= 4.5.3) - restriction: || (== net472) (&& (== netcoreapp2.2) (< netcoreapp2.1)) (&& (== netcoreapp3.0) (< netcoreapp2.1)) (== netstandard2.0) (== netstandard2.1)
    System.Resources.ResourceManager (4.3) - restriction: || (== netcoreapp2.1) (== netcoreapp2.2) (== netcoreapp3.0) (== netstandard2.0) (== netstandard2.1)
      Microsoft.NETCore.Platforms (>= 1.1) - restriction: || (&& (== net472) (< net45)) (== netcoreapp2.1) (== netcoreapp2.2) (== netcoreapp3.0) (== netstandard2.0) (== netstandard2.1)
      Microsoft.NETCore.Targets (>= 1.1) - restriction: || (&& (== net472) (< net45)) (== netcoreapp2.1) (== netcoreapp2.2) (== netcoreapp3.0) (== netstandard2.0) (== netstandard2.1)
      System.Globalization (>= 4.3) - restriction: || (&& (== net472) (< net45)) (== netcoreapp2.1) (== netcoreapp2.2) (== netcoreapp3.0) (== netstandard2.0) (== netstandard2.1)
      System.Reflection (>= 4.3) - restriction: || (&& (== net472) (< net45)) (== netcoreapp2.1) (== netcoreapp2.2) (== netcoreapp3.0) (== netstandard2.0) (== netstandard2.1)
      System.Runtime (>= 4.3) - restriction: || (&& (== net472) (< net45)) (== netcoreapp2.1) (== netcoreapp2.2) (== netcoreapp3.0) (== netstandard2.0) (== netstandard2.1)
    System.Resources.Writer (4.3) - restriction: || (== netcoreapp2.1) (== netcoreapp2.2) (== netcoreapp3.0) (== netstandard2.0) (== netstandard2.1)
      System.Collections (>= 4.3) - restriction: || (&& (== net472) (< net46)) (== netcoreapp2.1) (== netcoreapp2.2) (== netcoreapp3.0) (== netstandard2.0) (== netstandard2.1)
      System.IO (>= 4.3) - restriction: || (&& (== net472) (< net46)) (== netcoreapp2.1) (== netcoreapp2.2) (== netcoreapp3.0) (== netstandard2.0) (== netstandard2.1)
      System.Resources.ResourceManager (>= 4.3) - restriction: || (&& (== net472) (< net46)) (== netcoreapp2.1) (== netcoreapp2.2) (== netcoreapp3.0) (== netstandard2.0) (== netstandard2.1)
      System.Runtime (>= 4.3) - restriction: || (&& (== net472) (< net46)) (== netcoreapp2.1) (== netcoreapp2.2) (== netcoreapp3.0) (== netstandard2.0) (== netstandard2.1)
      System.Runtime.Extensions (>= 4.3) - restriction: || (&& (== net472) (< net46)) (== netcoreapp2.1) (== netcoreapp2.2) (== netcoreapp3.0) (== netstandard2.0) (== netstandard2.1)
      System.Text.Encoding (>= 4.3) - restriction: || (&& (== net472) (< net46)) (== netcoreapp2.1) (== netcoreapp2.2) (== netcoreapp3.0) (== netstandard2.0) (== netstandard2.1)
    System.Runtime (4.3.1) - restriction: || (== netcoreapp2.1) (== netcoreapp2.2) (== netcoreapp3.0) (== netstandard2.0) (== netstandard2.1)
      Microsoft.NETCore.Platforms (>= 1.1.1) - restriction: || (&& (== net472) (< net45)) (== netcoreapp2.1) (== netcoreapp2.2) (== netcoreapp3.0) (== netstandard2.0) (== netstandard2.1)
      Microsoft.NETCore.Targets (>= 1.1.3) - restriction: || (&& (== net472) (< net45)) (== netcoreapp2.1) (== netcoreapp2.2) (== netcoreapp3.0) (== netstandard2.0) (== netstandard2.1)
    System.Runtime.CompilerServices.Unsafe (4.7) - restriction: || (== net472) (== netcoreapp2.1) (== netcoreapp2.2) (== netcoreapp3.0) (&& (== netstandard2.0) (>= net472)) (&& (== netstandard2.0) (>= netcoreapp2.1)) (&& (== netstandard2.1) (>= net472)) (&& (== netstandard2.1) (>= netcoreapp2.1))
    System.Runtime.Extensions (4.3.1) - restriction: || (== netcoreapp2.1) (== netcoreapp2.2) (== netcoreapp3.0) (== netstandard2.0) (== netstandard2.1)
      Microsoft.NETCore.Platforms (>= 1.1.1) - restriction: || (&& (== net472) (< net45)) (== netcoreapp2.1) (== netcoreapp2.2) (== netcoreapp3.0) (== netstandard2.0) (== netstandard2.1)
      Microsoft.NETCore.Targets (>= 1.1.3) - restriction: || (&& (== net472) (< net45)) (== netcoreapp2.1) (== netcoreapp2.2) (== netcoreapp3.0) (== netstandard2.0) (== netstandard2.1)
      System.Runtime (>= 4.3.1) - restriction: || (&& (== net472) (< net45)) (== netcoreapp2.1) (== netcoreapp2.2) (== netcoreapp3.0) (== netstandard2.0) (== netstandard2.1)
    System.Runtime.Handles (4.3) - restriction: || (== netcoreapp2.1) (== netcoreapp2.2) (== netcoreapp3.0) (== netstandard2.0) (== netstandard2.1)
      Microsoft.NETCore.Platforms (>= 1.1) - restriction: || (&& (== net472) (< net46)) (== netcoreapp2.1) (== netcoreapp2.2) (== netcoreapp3.0) (== netstandard2.0) (== netstandard2.1)
      Microsoft.NETCore.Targets (>= 1.1) - restriction: || (&& (== net472) (< net46)) (== netcoreapp2.1) (== netcoreapp2.2) (== netcoreapp3.0) (== netstandard2.0) (== netstandard2.1)
      System.Runtime (>= 4.3) - restriction: || (&& (== net472) (< net46)) (== netcoreapp2.1) (== netcoreapp2.2) (== netcoreapp3.0) (== netstandard2.0) (== netstandard2.1)
    System.Runtime.InteropServices (4.3) - restriction: || (== netcoreapp2.1) (== netcoreapp2.2) (== netcoreapp3.0) (== netstandard2.0) (== netstandard2.1)
      Microsoft.NETCore.Platforms (>= 1.1) - restriction: || (&& (== net472) (< net45)) (&& (== net472) (>= netcoreapp1.1)) (== netcoreapp2.1) (== netcoreapp2.2) (== netcoreapp3.0) (== netstandard2.0) (== netstandard2.1)
      Microsoft.NETCore.Targets (>= 1.1) - restriction: || (&& (== net472) (< net45)) (&& (== net472) (>= netcoreapp1.1)) (== netcoreapp2.1) (== netcoreapp2.2) (== netcoreapp3.0) (== netstandard2.0) (== netstandard2.1)
      System.Reflection (>= 4.3) - restriction: || (&& (== net472) (< net45)) (&& (== net472) (>= netcoreapp1.1)) (== netcoreapp2.1) (== netcoreapp2.2) (== netcoreapp3.0) (== netstandard2.0) (== netstandard2.1)
      System.Reflection.Primitives (>= 4.3) - restriction: || (&& (== net472) (< net45)) (&& (== net472) (>= netcoreapp1.1)) (== netcoreapp2.1) (== netcoreapp2.2) (== netcoreapp3.0) (== netstandard2.0) (== netstandard2.1)
      System.Runtime (>= 4.3)
      System.Runtime.Handles (>= 4.3) - restriction: || (&& (== net472) (< net45)) (&& (== net472) (>= netcoreapp1.1)) (== netcoreapp2.1) (== netcoreapp2.2) (== netcoreapp3.0) (== netstandard2.0) (== netstandard2.1)
    System.Runtime.Loader (4.3) - restriction: || (&& (== net472) (< net461)) (&& (== net472) (>= netcoreapp2.1)) (== netcoreapp2.1) (== netcoreapp2.2) (== netcoreapp3.0) (== netstandard2.0) (== netstandard2.1)
      System.IO (>= 4.3) - restriction: || (&& (== net472) (< net462)) (== netcoreapp2.1) (== netcoreapp2.2) (== netcoreapp3.0) (== netstandard2.0) (== netstandard2.1)
      System.Reflection (>= 4.3) - restriction: || (&& (== net472) (< net462)) (== netcoreapp2.1) (== netcoreapp2.2) (== netcoreapp3.0) (== netstandard2.0) (== netstandard2.1)
      System.Runtime (>= 4.3) - restriction: || (&& (== net472) (< net462)) (== netcoreapp2.1) (== netcoreapp2.2) (== netcoreapp3.0) (== netstandard2.0) (== netstandard2.1)
    System.Runtime.Numerics (4.3) - restriction: || (&& (== net472) (< net46)) (== netcoreapp2.1) (== netcoreapp2.2) (== netcoreapp3.0) (== netstandard2.0) (== netstandard2.1)
      System.Globalization (>= 4.3) - restriction: || (&& (== net472) (< net45)) (== netcoreapp2.1) (== netcoreapp2.2) (== netcoreapp3.0) (== netstandard2.0) (== netstandard2.1)
      System.Resources.ResourceManager (>= 4.3) - restriction: || (&& (== net472) (< net45)) (== netcoreapp2.1) (== netcoreapp2.2) (== netcoreapp3.0) (== netstandard2.0) (== netstandard2.1)
      System.Runtime (>= 4.3) - restriction: || (&& (== net472) (< net45)) (== netcoreapp2.1) (== netcoreapp2.2) (== netcoreapp3.0) (== netstandard2.0) (== netstandard2.1)
      System.Runtime.Extensions (>= 4.3) - restriction: || (&& (== net472) (< net45)) (== netcoreapp2.1) (== netcoreapp2.2) (== netcoreapp3.0) (== netstandard2.0) (== netstandard2.1)
    System.Runtime.Serialization.Primitives (4.3) - restriction: || (== netcoreapp2.1) (== netcoreapp2.2) (== netcoreapp3.0) (== netstandard2.0) (== netstandard2.1)
      System.Resources.ResourceManager (>= 4.3) - restriction: || (&& (== net472) (< net45)) (== netcoreapp2.1) (== netcoreapp2.2) (== netcoreapp3.0) (== netstandard2.0) (== netstandard2.1)
      System.Runtime (>= 4.3) - restriction: || (&& (== net472) (< net45)) (== netcoreapp2.1) (== netcoreapp2.2) (== netcoreapp3.0) (== netstandard2.0) (== netstandard2.1)
    System.Security.AccessControl (4.7) - restriction: || (&& (== net472) (>= netcoreapp2.1)) (== netcoreapp2.1) (== netcoreapp2.2) (== netcoreapp3.0) (&& (== netstandard2.0) (>= netcoreapp2.1)) (&& (== netstandard2.1) (>= netcoreapp2.1))
      Microsoft.NETCore.Platforms (>= 3.1) - restriction: || (&& (== net472) (>= netcoreapp2.0)) (== netcoreapp2.1) (== netcoreapp2.2) (== netcoreapp3.0) (&& (== netstandard2.0) (>= netcoreapp2.0)) (&& (== netstandard2.1) (>= netcoreapp2.0))
      System.Security.Principal.Windows (>= 4.7)
    System.Security.Cryptography.Algorithms (4.3.1) - restriction: || (&& (== net472) (< net461)) (== netcoreapp2.1) (== netcoreapp2.2) (== netcoreapp3.0) (== netstandard2.0) (== netstandard2.1)
      Microsoft.NETCore.Platforms (>= 1.1) - restriction: || (&& (== net472) (< net46)) (== netcoreapp2.1) (== netcoreapp2.2) (== netcoreapp3.0) (== netstandard2.0) (== netstandard2.1)
      runtime.native.System.Security.Cryptography.Apple (>= 4.3.1) - restriction: || (&& (== net472) (< net46)) (== netcoreapp2.1) (== netcoreapp2.2) (== netcoreapp3.0) (== netstandard2.0) (== netstandard2.1)
      runtime.native.System.Security.Cryptography.OpenSsl (>= 4.3.2) - restriction: || (&& (== net472) (< net46)) (== netcoreapp2.1) (== netcoreapp2.2) (== netcoreapp3.0) (== netstandard2.0) (== netstandard2.1)
      System.Collections (>= 4.3) - restriction: || (&& (== net472) (< net46)) (== netcoreapp2.1) (== netcoreapp2.2) (== netcoreapp3.0) (== netstandard2.0) (== netstandard2.1)
      System.IO (>= 4.3)
      System.Resources.ResourceManager (>= 4.3) - restriction: || (&& (== net472) (< net46)) (== netcoreapp2.1) (== netcoreapp2.2) (== netcoreapp3.0) (== netstandard2.0) (== netstandard2.1)
      System.Runtime (>= 4.3)
      System.Runtime.Extensions (>= 4.3) - restriction: || (&& (== net472) (< net46)) (== netcoreapp2.1) (== netcoreapp2.2) (== netcoreapp3.0) (== netstandard2.0) (== netstandard2.1)
      System.Runtime.Handles (>= 4.3) - restriction: || (&& (== net472) (< net46)) (== netcoreapp2.1) (== netcoreapp2.2) (== netcoreapp3.0) (== netstandard2.0) (== netstandard2.1)
      System.Runtime.InteropServices (>= 4.3) - restriction: || (&& (== net472) (< net46)) (== netcoreapp2.1) (== netcoreapp2.2) (== netcoreapp3.0) (== netstandard2.0) (== netstandard2.1)
      System.Runtime.Numerics (>= 4.3) - restriction: || (&& (== net472) (< net46)) (== netcoreapp2.1) (== netcoreapp2.2) (== netcoreapp3.0) (== netstandard2.0) (== netstandard2.1)
      System.Security.Cryptography.Encoding (>= 4.3)
      System.Security.Cryptography.Primitives (>= 4.3)
      System.Text.Encoding (>= 4.3) - restriction: || (&& (== net472) (< net46)) (== netcoreapp2.1) (== netcoreapp2.2) (== netcoreapp3.0) (== netstandard2.0) (== netstandard2.1)
    System.Security.Cryptography.Cng (4.7) - restriction: || (== netcoreapp2.1) (== netcoreapp2.2) (== netcoreapp3.0) (== netstandard2.0) (== netstandard2.1)
    System.Security.Cryptography.Csp (4.3) - restriction: || (== netcoreapp2.1) (== netcoreapp2.2) (== netcoreapp3.0) (== netstandard2.0) (== netstandard2.1)
      Microsoft.NETCore.Platforms (>= 1.1) - restriction: || (&& (== net472) (< net46)) (== netcoreapp2.1) (== netcoreapp2.2) (== netcoreapp3.0) (== netstandard2.0) (== netstandard2.1)
      System.IO (>= 4.3) - restriction: || (&& (== net472) (< net46)) (== netcoreapp2.1) (== netcoreapp2.2) (== netcoreapp3.0) (== netstandard2.0) (== netstandard2.1)
      System.Reflection (>= 4.3) - restriction: || (&& (== net472) (< net46)) (== netcoreapp2.1) (== netcoreapp2.2) (== netcoreapp3.0) (== netstandard2.0) (== netstandard2.1)
      System.Resources.ResourceManager (>= 4.3) - restriction: || (&& (== net472) (< net46)) (== netcoreapp2.1) (== netcoreapp2.2) (== netcoreapp3.0) (== netstandard2.0) (== netstandard2.1)
      System.Runtime (>= 4.3) - restriction: || (&& (== net472) (< net46)) (== netcoreapp2.1) (== netcoreapp2.2) (== netcoreapp3.0) (== netstandard2.0) (== netstandard2.1)
      System.Runtime.Extensions (>= 4.3) - restriction: || (&& (== net472) (< net46)) (== netcoreapp2.1) (== netcoreapp2.2) (== netcoreapp3.0) (== netstandard2.0) (== netstandard2.1)
      System.Runtime.Handles (>= 4.3) - restriction: || (&& (== net472) (< net46)) (== netcoreapp2.1) (== netcoreapp2.2) (== netcoreapp3.0) (== netstandard2.0) (== netstandard2.1)
      System.Runtime.InteropServices (>= 4.3) - restriction: || (&& (== net472) (< net46)) (== netcoreapp2.1) (== netcoreapp2.2) (== netcoreapp3.0) (== netstandard2.0) (== netstandard2.1)
      System.Security.Cryptography.Algorithms (>= 4.3)
      System.Security.Cryptography.Encoding (>= 4.3) - restriction: || (&& (== net472) (< net46)) (== netcoreapp2.1) (== netcoreapp2.2) (== netcoreapp3.0) (== netstandard2.0) (== netstandard2.1)
      System.Security.Cryptography.Primitives (>= 4.3)
      System.Text.Encoding (>= 4.3) - restriction: || (&& (== net472) (< net46)) (== netcoreapp2.1) (== netcoreapp2.2) (== netcoreapp3.0) (== netstandard2.0) (== netstandard2.1)
      System.Threading (>= 4.3) - restriction: || (&& (== net472) (< net46)) (== netcoreapp2.1) (== netcoreapp2.2) (== netcoreapp3.0) (== netstandard2.0) (== netstandard2.1)
    System.Security.Cryptography.Encoding (4.3) - restriction: || (== netcoreapp2.1) (== netcoreapp2.2) (== netcoreapp3.0) (== netstandard2.0) (== netstandard2.1)
      Microsoft.NETCore.Platforms (>= 1.1) - restriction: || (&& (== net472) (< net46)) (== netcoreapp2.1) (== netcoreapp2.2) (== netcoreapp3.0) (== netstandard2.0) (== netstandard2.1)
      runtime.native.System.Security.Cryptography.OpenSsl (>= 4.3) - restriction: || (&& (== net472) (< net46)) (== netcoreapp2.1) (== netcoreapp2.2) (== netcoreapp3.0) (== netstandard2.0) (== netstandard2.1)
      System.Collections (>= 4.3) - restriction: || (&& (== net472) (< net46)) (== netcoreapp2.1) (== netcoreapp2.2) (== netcoreapp3.0) (== netstandard2.0) (== netstandard2.1)
      System.Collections.Concurrent (>= 4.3) - restriction: || (&& (== net472) (< net46)) (== netcoreapp2.1) (== netcoreapp2.2) (== netcoreapp3.0) (== netstandard2.0) (== netstandard2.1)
      System.Linq (>= 4.3) - restriction: || (&& (== net472) (< net46)) (== netcoreapp2.1) (== netcoreapp2.2) (== netcoreapp3.0) (== netstandard2.0) (== netstandard2.1)
      System.Resources.ResourceManager (>= 4.3) - restriction: || (&& (== net472) (< net46)) (== netcoreapp2.1) (== netcoreapp2.2) (== netcoreapp3.0) (== netstandard2.0) (== netstandard2.1)
      System.Runtime (>= 4.3) - restriction: || (&& (== net472) (< net46)) (== netcoreapp2.1) (== netcoreapp2.2) (== netcoreapp3.0) (== netstandard2.0) (== netstandard2.1)
      System.Runtime.Extensions (>= 4.3) - restriction: || (&& (== net472) (< net46)) (== netcoreapp2.1) (== netcoreapp2.2) (== netcoreapp3.0) (== netstandard2.0) (== netstandard2.1)
      System.Runtime.Handles (>= 4.3) - restriction: || (&& (== net472) (< net46)) (== netcoreapp2.1) (== netcoreapp2.2) (== netcoreapp3.0) (== netstandard2.0) (== netstandard2.1)
      System.Runtime.InteropServices (>= 4.3) - restriction: || (&& (== net472) (< net46)) (== netcoreapp2.1) (== netcoreapp2.2) (== netcoreapp3.0) (== netstandard2.0) (== netstandard2.1)
      System.Security.Cryptography.Primitives (>= 4.3) - restriction: || (&& (== net472) (< net46)) (== netcoreapp2.1) (== netcoreapp2.2) (== netcoreapp3.0) (== netstandard2.0) (== netstandard2.1)
      System.Text.Encoding (>= 4.3) - restriction: || (&& (== net472) (< net46)) (== netcoreapp2.1) (== netcoreapp2.2) (== netcoreapp3.0) (== netstandard2.0) (== netstandard2.1)
    System.Security.Cryptography.OpenSsl (4.7) - restriction: || (== netcoreapp2.1) (== netcoreapp2.2) (== netcoreapp3.0) (== netstandard2.0) (== netstandard2.1)
    System.Security.Cryptography.Primitives (4.3) - restriction: || (== netcoreapp2.1) (== netcoreapp2.2) (== netcoreapp3.0) (== netstandard2.0) (== netstandard2.1)
      System.Diagnostics.Debug (>= 4.3) - restriction: || (&& (== net472) (< net46)) (== netcoreapp2.1) (== netcoreapp2.2) (== netcoreapp3.0) (== netstandard2.0) (== netstandard2.1)
      System.Globalization (>= 4.3) - restriction: || (&& (== net472) (< net46)) (== netcoreapp2.1) (== netcoreapp2.2) (== netcoreapp3.0) (== netstandard2.0) (== netstandard2.1)
      System.IO (>= 4.3) - restriction: || (&& (== net472) (< net46)) (== netcoreapp2.1) (== netcoreapp2.2) (== netcoreapp3.0) (== netstandard2.0) (== netstandard2.1)
      System.Resources.ResourceManager (>= 4.3) - restriction: || (&& (== net472) (< net46)) (== netcoreapp2.1) (== netcoreapp2.2) (== netcoreapp3.0) (== netstandard2.0) (== netstandard2.1)
      System.Runtime (>= 4.3) - restriction: || (&& (== net472) (< net46)) (== netcoreapp2.1) (== netcoreapp2.2) (== netcoreapp3.0) (== netstandard2.0) (== netstandard2.1)
      System.Threading (>= 4.3) - restriction: || (&& (== net472) (< net46)) (== netcoreapp2.1) (== netcoreapp2.2) (== netcoreapp3.0) (== netstandard2.0) (== netstandard2.1)
      System.Threading.Tasks (>= 4.3) - restriction: || (&& (== net472) (< net46)) (== netcoreapp2.1) (== netcoreapp2.2) (== netcoreapp3.0) (== netstandard2.0) (== netstandard2.1)
    System.Security.Cryptography.X509Certificates (4.3.2) - restriction: || (== netcoreapp2.1) (== netcoreapp2.2) (== netcoreapp3.0) (== netstandard2.0) (== netstandard2.1)
      Microsoft.NETCore.Platforms (>= 1.1) - restriction: || (&& (== net472) (< net46)) (== netcoreapp2.1) (== netcoreapp2.2) (== netcoreapp3.0) (== netstandard2.0) (== netstandard2.1)
      runtime.native.System (>= 4.3) - restriction: || (&& (== net472) (< net46)) (== netcoreapp2.1) (== netcoreapp2.2) (== netcoreapp3.0) (== netstandard2.0) (== netstandard2.1)
      runtime.native.System.Net.Http (>= 4.3) - restriction: || (&& (== net472) (< net46)) (== netcoreapp2.1) (== netcoreapp2.2) (== netcoreapp3.0) (== netstandard2.0) (== netstandard2.1)
      runtime.native.System.Security.Cryptography.OpenSsl (>= 4.3.2) - restriction: || (&& (== net472) (< net46)) (== netcoreapp2.1) (== netcoreapp2.2) (== netcoreapp3.0) (== netstandard2.0) (== netstandard2.1)
      System.Collections (>= 4.3) - restriction: || (&& (== net472) (< net46)) (== netcoreapp2.1) (== netcoreapp2.2) (== netcoreapp3.0) (== netstandard2.0) (== netstandard2.1)
      System.Diagnostics.Debug (>= 4.3) - restriction: || (&& (== net472) (< net46)) (== netcoreapp2.1) (== netcoreapp2.2) (== netcoreapp3.0) (== netstandard2.0) (== netstandard2.1)
      System.Globalization (>= 4.3) - restriction: || (&& (== net472) (< net46)) (== netcoreapp2.1) (== netcoreapp2.2) (== netcoreapp3.0) (== netstandard2.0) (== netstandard2.1)
      System.Globalization.Calendars (>= 4.3) - restriction: || (&& (== net472) (< net46)) (== netcoreapp2.1) (== netcoreapp2.2) (== netcoreapp3.0) (== netstandard2.0) (== netstandard2.1)
      System.IO (>= 4.3) - restriction: || (&& (== net472) (< net46)) (== netcoreapp2.1) (== netcoreapp2.2) (== netcoreapp3.0) (== netstandard2.0) (== netstandard2.1)
      System.IO.FileSystem (>= 4.3) - restriction: || (&& (== net472) (< net46)) (== netcoreapp2.1) (== netcoreapp2.2) (== netcoreapp3.0) (== netstandard2.0) (== netstandard2.1)
      System.IO.FileSystem.Primitives (>= 4.3) - restriction: || (&& (== net472) (< net46)) (== netcoreapp2.1) (== netcoreapp2.2) (== netcoreapp3.0) (== netstandard2.0) (== netstandard2.1)
      System.Resources.ResourceManager (>= 4.3) - restriction: || (&& (== net472) (< net46)) (== netcoreapp2.1) (== netcoreapp2.2) (== netcoreapp3.0) (== netstandard2.0) (== netstandard2.1)
      System.Runtime (>= 4.3) - restriction: || (&& (== net472) (< net46)) (== netcoreapp2.1) (== netcoreapp2.2) (== netcoreapp3.0) (== netstandard2.0) (== netstandard2.1)
      System.Runtime.Extensions (>= 4.3) - restriction: || (&& (== net472) (< net46)) (== netcoreapp2.1) (== netcoreapp2.2) (== netcoreapp3.0) (== netstandard2.0) (== netstandard2.1)
      System.Runtime.Handles (>= 4.3) - restriction: || (&& (== net472) (< net46)) (== netcoreapp2.1) (== netcoreapp2.2) (== netcoreapp3.0) (== netstandard2.0) (== netstandard2.1)
      System.Runtime.InteropServices (>= 4.3) - restriction: || (&& (== net472) (< net46)) (== netcoreapp2.1) (== netcoreapp2.2) (== netcoreapp3.0) (== netstandard2.0) (== netstandard2.1)
      System.Runtime.Numerics (>= 4.3) - restriction: || (&& (== net472) (< net46)) (== netcoreapp2.1) (== netcoreapp2.2) (== netcoreapp3.0) (== netstandard2.0) (== netstandard2.1)
      System.Security.Cryptography.Algorithms (>= 4.3)
      System.Security.Cryptography.Cng (>= 4.3) - restriction: || (&& (== net472) (< net46)) (== netcoreapp2.1) (== netcoreapp2.2) (== netcoreapp3.0) (== netstandard2.0) (== netstandard2.1)
      System.Security.Cryptography.Csp (>= 4.3) - restriction: || (&& (== net472) (< net46)) (== netcoreapp2.1) (== netcoreapp2.2) (== netcoreapp3.0) (== netstandard2.0) (== netstandard2.1)
      System.Security.Cryptography.Encoding (>= 4.3)
      System.Security.Cryptography.OpenSsl (>= 4.3) - restriction: || (&& (== net472) (< net46)) (== netcoreapp2.1) (== netcoreapp2.2) (== netcoreapp3.0) (== netstandard2.0) (== netstandard2.1)
      System.Security.Cryptography.Primitives (>= 4.3) - restriction: || (&& (== net472) (< net46)) (== netcoreapp2.1) (== netcoreapp2.2) (== netcoreapp3.0) (== netstandard2.0) (== netstandard2.1)
      System.Text.Encoding (>= 4.3) - restriction: || (&& (== net472) (< net46)) (== netcoreapp2.1) (== netcoreapp2.2) (== netcoreapp3.0) (== netstandard2.0) (== netstandard2.1)
      System.Threading (>= 4.3) - restriction: || (&& (== net472) (< net46)) (== netcoreapp2.1) (== netcoreapp2.2) (== netcoreapp3.0) (== netstandard2.0) (== netstandard2.1)
    System.Security.Principal.Windows (4.7) - restriction: || (&& (== net472) (>= netcoreapp2.1)) (== netcoreapp2.1) (== netcoreapp2.2) (== netcoreapp3.0) (&& (== netstandard2.0) (>= netcoreapp2.1)) (&& (== netstandard2.1) (>= netcoreapp2.1))
      Microsoft.NETCore.Platforms (>= 3.1) - restriction: || (&& (== net472) (== netcoreapp3.0)) (&& (== net472) (>= netcoreapp2.0)) (&& (== net472) (>= netcoreapp2.1)) (== netcoreapp2.1) (== netcoreapp2.2) (&& (== netcoreapp3.0) (== netstandard2.0)) (&& (== netcoreapp3.0) (== netstandard2.1)) (&& (== netcoreapp3.0) (< netcoreapp2.1)) (&& (== netstandard2.0) (>= netcoreapp2.0)) (&& (== netstandard2.0) (>= netcoreapp2.1)) (&& (== netstandard2.1) (>= netcoreapp2.0)) (&& (== netstandard2.1) (>= netcoreapp2.1))
    System.Text.Encoding (4.3) - restriction: || (== netcoreapp2.1) (== netcoreapp2.2) (== netcoreapp3.0) (== netstandard2.0) (== netstandard2.1)
      Microsoft.NETCore.Platforms (>= 1.1) - restriction: || (&& (== net472) (< net45)) (== netcoreapp2.1) (== netcoreapp2.2) (== netcoreapp3.0) (== netstandard2.0) (== netstandard2.1)
      Microsoft.NETCore.Targets (>= 1.1) - restriction: || (&& (== net472) (< net45)) (== netcoreapp2.1) (== netcoreapp2.2) (== netcoreapp3.0) (== netstandard2.0) (== netstandard2.1)
      System.Runtime (>= 4.3) - restriction: || (&& (== net472) (< net45)) (== netcoreapp2.1) (== netcoreapp2.2) (== netcoreapp3.0) (== netstandard2.0) (== netstandard2.1)
    System.Text.Encoding.CodePages (4.7) - restriction: || (&& (== net472) (>= netcoreapp2.1)) (== netcoreapp2.1) (== netcoreapp2.2) (== netcoreapp3.0) (== netstandard2.0) (== netstandard2.1)
      Microsoft.NETCore.Platforms (>= 3.1) - restriction: || (&& (== net472) (>= netcoreapp2.0)) (== netcoreapp2.1) (== netcoreapp2.2) (== netcoreapp3.0) (&& (== netstandard2.0) (>= netcoreapp2.0)) (&& (== netstandard2.1) (>= netcoreapp2.0))
      System.Runtime.CompilerServices.Unsafe (>= 4.7)
    System.Text.Encoding.Extensions (4.3) - restriction: || (&& (== net472) (< net46)) (== netcoreapp2.1) (== netcoreapp2.2) (== netcoreapp3.0) (== netstandard2.0) (== netstandard2.1)
      Microsoft.NETCore.Platforms (>= 1.1) - restriction: || (&& (== net472) (< net45)) (== netcoreapp2.1) (== netcoreapp2.2) (== netcoreapp3.0) (== netstandard2.0) (== netstandard2.1)
      Microsoft.NETCore.Targets (>= 1.1) - restriction: || (&& (== net472) (< net45)) (== netcoreapp2.1) (== netcoreapp2.2) (== netcoreapp3.0) (== netstandard2.0) (== netstandard2.1)
      System.Runtime (>= 4.3) - restriction: || (&& (== net472) (< net45)) (== netcoreapp2.1) (== netcoreapp2.2) (== netcoreapp3.0) (== netstandard2.0) (== netstandard2.1)
      System.Text.Encoding (>= 4.3) - restriction: || (&& (== net472) (< net45)) (== netcoreapp2.1) (== netcoreapp2.2) (== netcoreapp3.0) (== netstandard2.0) (== netstandard2.1)
    System.Threading (4.3) - restriction: || (== netcoreapp2.1) (== netcoreapp2.2) (== netcoreapp3.0) (== netstandard2.0) (== netstandard2.1)
      System.Runtime (>= 4.3) - restriction: || (&& (== net472) (< net45)) (== netcoreapp2.1) (== netcoreapp2.2) (== netcoreapp3.0) (== netstandard2.0) (== netstandard2.1)
      System.Threading.Tasks (>= 4.3) - restriction: || (&& (== net472) (< net45)) (== netcoreapp2.1) (== netcoreapp2.2) (== netcoreapp3.0) (== netstandard2.0) (== netstandard2.1)
    System.Threading.Tasks (4.3) - restriction: || (== netcoreapp2.1) (== netcoreapp2.2) (== netcoreapp3.0) (== netstandard2.0) (== netstandard2.1)
      Microsoft.NETCore.Platforms (>= 1.1) - restriction: || (&& (== net472) (< net45)) (== netcoreapp2.1) (== netcoreapp2.2) (== netcoreapp3.0) (== netstandard2.0) (== netstandard2.1)
      Microsoft.NETCore.Targets (>= 1.1) - restriction: || (&& (== net472) (< net45)) (== netcoreapp2.1) (== netcoreapp2.2) (== netcoreapp3.0) (== netstandard2.0) (== netstandard2.1)
      System.Runtime (>= 4.3) - restriction: || (&& (== net472) (< net45)) (== netcoreapp2.1) (== netcoreapp2.2) (== netcoreapp3.0) (== netstandard2.0) (== netstandard2.1)
    System.Threading.Tasks.Dataflow (4.11)
    System.Threading.Thread (4.3) - restriction: || (&& (== net472) (< net46)) (== netcoreapp2.1) (== netcoreapp2.2) (== netcoreapp3.0) (== netstandard2.0) (== netstandard2.1)
      System.Runtime (>= 4.3) - restriction: || (&& (== net472) (< net46)) (== netcoreapp2.1) (== netcoreapp2.2) (== netcoreapp3.0) (== netstandard2.0) (== netstandard2.1)
    System.Threading.ThreadPool (4.3) - restriction: || (&& (== net472) (< net46)) (== netcoreapp2.1) (== netcoreapp2.2) (== netcoreapp3.0) (== netstandard2.0) (== netstandard2.1)
      System.Runtime (>= 4.3) - restriction: || (&& (== net472) (< net46)) (== netcoreapp2.1) (== netcoreapp2.2) (== netcoreapp3.0) (== netstandard2.0) (== netstandard2.1)
      System.Runtime.Handles (>= 4.3) - restriction: || (&& (== net472) (< net46)) (== netcoreapp2.1) (== netcoreapp2.2) (== netcoreapp3.0) (== netstandard2.0) (== netstandard2.1)
    System.ValueTuple (4.5)

GROUP Build
RESTRICTION: == netstandard2.0
NUGET
  remote: https://api.nuget.org/v3/index.json
    BlackFox.VsWhere (1.0)
      FSharp.Core (>= 4.2.3)
    fake-cli (5.16.1)
    Fake.Core.CommandLineParsing (5.19)
      FParsec (>= 1.0.3)
      FSharp.Core (>= 4.7)
    Fake.Core.Context (5.19)
      FSharp.Core (>= 4.7)
    Fake.Core.Environment (5.19)
      FSharp.Core (>= 4.7)
    Fake.Core.FakeVar (5.19)
      Fake.Core.Context (>= 5.19)
      FSharp.Core (>= 4.7)
    Fake.Core.Process (5.19)
      Fake.Core.Environment (>= 5.19)
      Fake.Core.FakeVar (>= 5.19)
      Fake.Core.String (>= 5.19)
      Fake.Core.Trace (>= 5.19)
      Fake.IO.FileSystem (>= 5.19)
      FSharp.Core (>= 4.7)
      System.Diagnostics.Process (>= 4.3)
    Fake.Core.ReleaseNotes (5.16.1)
      Fake.Core.SemVer (>= 5.16.1)
      Fake.Core.String (>= 5.16.1)
      FSharp.Core (>= 4.7)
    Fake.Core.SemVer (5.19)
      FSharp.Core (>= 4.7)
      System.Runtime.Numerics (>= 4.3)
    Fake.Core.String (5.19)
      FSharp.Core (>= 4.7)
    Fake.Core.Target (5.16.1)
      Fake.Core.CommandLineParsing (>= 5.16.1)
      Fake.Core.Context (>= 5.16.1)
      Fake.Core.Environment (>= 5.16.1)
      Fake.Core.FakeVar (>= 5.16.1)
      Fake.Core.Process (>= 5.16.1)
      Fake.Core.String (>= 5.16.1)
      Fake.Core.Trace (>= 5.16.1)
      FSharp.Control.Reactive (>= 4.2)
      FSharp.Core (>= 4.7)
      System.Reactive.Compatibility (>= 4.1.6)
    Fake.Core.Tasks (5.19)
      Fake.Core.Trace (>= 5.19)
      FSharp.Core (>= 4.7)
    Fake.Core.Trace (5.19)
      Fake.Core.Environment (>= 5.19)
      Fake.Core.FakeVar (>= 5.19)
      FSharp.Core (>= 4.7)
    Fake.Core.Xml (5.19)
      Fake.Core.String (>= 5.19)
      FSharp.Core (>= 4.7)
      System.Xml.ReaderWriter (>= 4.3.1)
      System.Xml.XDocument (>= 4.3)
      System.Xml.XPath (>= 4.3)
      System.Xml.XPath.XDocument (>= 4.3)
      System.Xml.XPath.XmlDocument (>= 4.3)
    Fake.DotNet.Cli (5.16.1)
      Fake.Core.Environment (>= 5.16.1)
      Fake.Core.Process (>= 5.16.1)
      Fake.Core.String (>= 5.16.1)
      Fake.Core.Trace (>= 5.16.1)
      Fake.DotNet.MSBuild (>= 5.16.1)
      Fake.DotNet.NuGet (>= 5.16.1)
      Fake.IO.FileSystem (>= 5.16.1)
      FSharp.Core (>= 4.7)
      Newtonsoft.Json (>= 12.0.2)
    Fake.DotNet.MSBuild (5.19)
      BlackFox.VsWhere (>= 1.0)
      Fake.Core.Environment (>= 5.19)
      Fake.Core.Process (>= 5.19)
      Fake.Core.String (>= 5.19)
      Fake.Core.Trace (>= 5.19)
      Fake.IO.FileSystem (>= 5.19)
      FSharp.Core (>= 4.7)
      MSBuild.StructuredLogger (>= 2.0.152)
    Fake.DotNet.NuGet (5.19)
      Fake.Core.Environment (>= 5.19)
      Fake.Core.Process (>= 5.19)
      Fake.Core.SemVer (>= 5.19)
      Fake.Core.String (>= 5.19)
      Fake.Core.Tasks (>= 5.19)
      Fake.Core.Trace (>= 5.19)
      Fake.Core.Xml (>= 5.19)
      Fake.IO.FileSystem (>= 5.19)
      Fake.Net.Http (>= 5.19)
      FSharp.Core (>= 4.7)
      Newtonsoft.Json (>= 12.0.3)
      NuGet.Protocol (>= 4.9.4)
      System.Net.Http (>= 4.3.4)
    Fake.DotNet.Paket (5.16.1)
      Fake.Core.Process (>= 5.16.1)
      Fake.Core.String (>= 5.16.1)
      Fake.Core.Trace (>= 5.16.1)
      Fake.IO.FileSystem (>= 5.16.1)
      FSharp.Core (>= 4.7)
    Fake.IO.FileSystem (5.19)
      Fake.Core.String (>= 5.19)
      FSharp.Core (>= 4.7)
      System.Diagnostics.FileVersionInfo (>= 4.3)
      System.IO.FileSystem.Watcher (>= 4.3)
    Fake.Net.Http (5.19)
      Fake.Core.Trace (>= 5.19)
      FSharp.Core (>= 4.7)
      System.Net.Http (>= 4.3.4)
    Fake.Tools.Git (5.16.1)
      Fake.Core.Environment (>= 5.16.1)
      Fake.Core.Process (>= 5.16.1)
      Fake.Core.SemVer (>= 5.16.1)
      Fake.Core.String (>= 5.16.1)
      Fake.Core.Trace (>= 5.16.1)
      Fake.IO.FileSystem (>= 5.16.1)
      FSharp.Core (>= 4.7)
    FParsec (1.1)
      FSharp.Core (>= 4.3.4)
    FSharp.Control.Reactive (4.2)
      FSharp.Core (>= 4.2.3)
      System.Reactive (>= 4.0)
    FSharp.Core (4.7)
    ILRepack (2.0.18)
    Microsoft.Build (16.4)
    Microsoft.Build.Framework (16.4)
      System.Runtime.Serialization.Primitives (>= 4.1.1)
      System.Threading.Thread (>= 4.0)
    Microsoft.Build.Tasks.Core (16.4)
      Microsoft.Build.Framework (>= 16.4)
      Microsoft.Build.Utilities.Core (>= 16.4)
      Microsoft.Win32.Registry (>= 4.3)
      System.CodeDom (>= 4.4)
      System.Collections.Immutable (>= 1.5)
      System.Linq.Parallel (>= 4.0.1)
      System.Net.Http (>= 4.3.4)
      System.Reflection.Metadata (>= 1.6)
      System.Reflection.TypeExtensions (>= 4.1)
      System.Resources.Extensions (>= 4.6)
      System.Resources.Writer (>= 4.0)
      System.Threading.Tasks.Dataflow (>= 4.9)
    Microsoft.Build.Utilities.Core (16.4)
      Microsoft.Build.Framework (>= 16.4)
      Microsoft.Win32.Registry (>= 4.3)
      System.Collections.Immutable (>= 1.5)
      System.Text.Encoding.CodePages (>= 4.0.1)
    Microsoft.NETCore.Platforms (3.1)
    Microsoft.NETCore.Targets (3.1)
    Microsoft.Win32.Primitives (4.3)
      Microsoft.NETCore.Platforms (>= 1.1)
      Microsoft.NETCore.Targets (>= 1.1)
      System.Runtime (>= 4.3)
    Microsoft.Win32.Registry (4.7)
      System.Buffers (>= 4.5)
      System.Memory (>= 4.5.3)
      System.Security.AccessControl (>= 4.7)
      System.Security.Principal.Windows (>= 4.7)
    MSBuild.StructuredLogger (2.0.174)
      Microsoft.Build (>= 15.8.166)
      Microsoft.Build.Framework (>= 15.8.166)
      Microsoft.Build.Tasks.Core (>= 15.8.166)
      Microsoft.Build.Utilities.Core (>= 15.8.166)
    Newtonsoft.Json (12.0.3)
    NuGet.Common (5.4)
      NuGet.Frameworks (>= 5.4)
      System.Diagnostics.Process (>= 4.3)
      System.Threading.Thread (>= 4.3)
    NuGet.Configuration (5.4)
      NuGet.Common (>= 5.4)
      System.Security.Cryptography.ProtectedData (>= 4.3)
    NuGet.Frameworks (5.4)
    NuGet.Packaging (5.4)
      Newtonsoft.Json (>= 9.0.1)
      NuGet.Configuration (>= 5.4)
      NuGet.Versioning (>= 5.4)
      System.Dynamic.Runtime (>= 4.3)
    NuGet.Protocol (5.4)
      NuGet.Packaging (>= 5.4)
      System.Dynamic.Runtime (>= 4.3)
    NuGet.Versioning (5.4)
    runtime.debian.8-x64.runtime.native.System.Security.Cryptography.OpenSsl (4.3.3)
    runtime.debian.9-x64.runtime.native.System.Security.Cryptography.OpenSsl (4.3.3)
    runtime.fedora.23-x64.runtime.native.System.Security.Cryptography.OpenSsl (4.3.3)
    runtime.fedora.24-x64.runtime.native.System.Security.Cryptography.OpenSsl (4.3.3)
    runtime.fedora.27-x64.runtime.native.System.Security.Cryptography.OpenSsl (4.3.3)
    runtime.fedora.28-x64.runtime.native.System.Security.Cryptography.OpenSsl (4.3.3)
    runtime.native.System (4.3.1)
      Microsoft.NETCore.Platforms (>= 1.1.1)
      Microsoft.NETCore.Targets (>= 1.1.3)
    runtime.native.System.Net.Http (4.3.1)
      Microsoft.NETCore.Platforms (>= 1.1.1)
      Microsoft.NETCore.Targets (>= 1.1.3)
    runtime.native.System.Security.Cryptography.Apple (4.3.1)
      runtime.osx.10.10-x64.runtime.native.System.Security.Cryptography.Apple (>= 4.3.1)
    runtime.native.System.Security.Cryptography.OpenSsl (4.3.3)
      runtime.debian.8-x64.runtime.native.System.Security.Cryptography.OpenSsl (>= 4.3.3)
      runtime.debian.9-x64.runtime.native.System.Security.Cryptography.OpenSsl (>= 4.3.3)
      runtime.fedora.23-x64.runtime.native.System.Security.Cryptography.OpenSsl (>= 4.3.3)
      runtime.fedora.24-x64.runtime.native.System.Security.Cryptography.OpenSsl (>= 4.3.3)
      runtime.fedora.27-x64.runtime.native.System.Security.Cryptography.OpenSsl (>= 4.3.3)
      runtime.fedora.28-x64.runtime.native.System.Security.Cryptography.OpenSsl (>= 4.3.3)
      runtime.opensuse.13.2-x64.runtime.native.System.Security.Cryptography.OpenSsl (>= 4.3.3)
      runtime.opensuse.42.1-x64.runtime.native.System.Security.Cryptography.OpenSsl (>= 4.3.3)
      runtime.opensuse.42.3-x64.runtime.native.System.Security.Cryptography.OpenSsl (>= 4.3.3)
      runtime.osx.10.10-x64.runtime.native.System.Security.Cryptography.OpenSsl (>= 4.3.3)
      runtime.rhel.7-x64.runtime.native.System.Security.Cryptography.OpenSsl (>= 4.3.3)
      runtime.ubuntu.14.04-x64.runtime.native.System.Security.Cryptography.OpenSsl (>= 4.3.3)
      runtime.ubuntu.16.04-x64.runtime.native.System.Security.Cryptography.OpenSsl (>= 4.3.3)
      runtime.ubuntu.16.10-x64.runtime.native.System.Security.Cryptography.OpenSsl (>= 4.3.3)
      runtime.ubuntu.18.04-x64.runtime.native.System.Security.Cryptography.OpenSsl (>= 4.3.3)
    runtime.opensuse.13.2-x64.runtime.native.System.Security.Cryptography.OpenSsl (4.3.3)
    runtime.opensuse.42.1-x64.runtime.native.System.Security.Cryptography.OpenSsl (4.3.3)
    runtime.opensuse.42.3-x64.runtime.native.System.Security.Cryptography.OpenSsl (4.3.3)
    runtime.osx.10.10-x64.runtime.native.System.Security.Cryptography.Apple (4.3.1)
    runtime.osx.10.10-x64.runtime.native.System.Security.Cryptography.OpenSsl (4.3.3)
    runtime.rhel.7-x64.runtime.native.System.Security.Cryptography.OpenSsl (4.3.3)
    runtime.ubuntu.14.04-x64.runtime.native.System.Security.Cryptography.OpenSsl (4.3.3)
    runtime.ubuntu.16.04-x64.runtime.native.System.Security.Cryptography.OpenSsl (4.3.3)
    runtime.ubuntu.16.10-x64.runtime.native.System.Security.Cryptography.OpenSsl (4.3.3)
    runtime.ubuntu.18.04-x64.runtime.native.System.Security.Cryptography.OpenSsl (4.3.3)
    System.Buffers (4.5)
    System.CodeDom (4.7)
    System.Collections (4.3)
      Microsoft.NETCore.Platforms (>= 1.1)
      Microsoft.NETCore.Targets (>= 1.1)
      System.Runtime (>= 4.3)
    System.Collections.Concurrent (4.3)
      System.Collections (>= 4.3)
      System.Diagnostics.Debug (>= 4.3)
      System.Diagnostics.Tracing (>= 4.3)
      System.Globalization (>= 4.3)
      System.Reflection (>= 4.3)
      System.Resources.ResourceManager (>= 4.3)
      System.Runtime (>= 4.3)
      System.Runtime.Extensions (>= 4.3)
      System.Threading (>= 4.3)
      System.Threading.Tasks (>= 4.3)
    System.Collections.Immutable (1.7)
      System.Memory (>= 4.5.3)
    System.Diagnostics.Debug (4.3)
      Microsoft.NETCore.Platforms (>= 1.1)
      Microsoft.NETCore.Targets (>= 1.1)
      System.Runtime (>= 4.3)
    System.Diagnostics.DiagnosticSource (4.7)
      System.Memory (>= 4.5.3)
    System.Diagnostics.FileVersionInfo (4.3)
      Microsoft.NETCore.Platforms (>= 1.1)
      System.Globalization (>= 4.3)
      System.IO (>= 4.3)
      System.IO.FileSystem (>= 4.3)
      System.IO.FileSystem.Primitives (>= 4.3)
      System.Reflection.Metadata (>= 1.4.1)
      System.Runtime (>= 4.3)
      System.Runtime.Extensions (>= 4.3)
      System.Runtime.InteropServices (>= 4.3)
    System.Diagnostics.Process (4.3)
      Microsoft.NETCore.Platforms (>= 1.1)
      Microsoft.Win32.Primitives (>= 4.3)
      Microsoft.Win32.Registry (>= 4.3)
      runtime.native.System (>= 4.3)
      System.Collections (>= 4.3)
      System.Diagnostics.Debug (>= 4.3)
      System.Globalization (>= 4.3)
      System.IO (>= 4.3)
      System.IO.FileSystem (>= 4.3)
      System.IO.FileSystem.Primitives (>= 4.3)
      System.Resources.ResourceManager (>= 4.3)
      System.Runtime (>= 4.3)
      System.Runtime.Extensions (>= 4.3)
      System.Runtime.Handles (>= 4.3)
      System.Runtime.InteropServices (>= 4.3)
      System.Text.Encoding (>= 4.3)
      System.Text.Encoding.Extensions (>= 4.3)
      System.Threading (>= 4.3)
      System.Threading.Tasks (>= 4.3)
      System.Threading.Thread (>= 4.3)
      System.Threading.ThreadPool (>= 4.3)
    System.Diagnostics.Tools (4.3)
      Microsoft.NETCore.Platforms (>= 1.1)
      Microsoft.NETCore.Targets (>= 1.1)
      System.Runtime (>= 4.3)
    System.Diagnostics.Tracing (4.3)
      Microsoft.NETCore.Platforms (>= 1.1)
      Microsoft.NETCore.Targets (>= 1.1)
      System.Runtime (>= 4.3)
    System.Dynamic.Runtime (4.3)
      System.Collections (>= 4.3)
      System.Diagnostics.Debug (>= 4.3)
      System.Linq (>= 4.3)
      System.Linq.Expressions (>= 4.3)
      System.ObjectModel (>= 4.3)
      System.Reflection (>= 4.3)
      System.Reflection.Emit (>= 4.3)
      System.Reflection.Emit.ILGeneration (>= 4.3)
      System.Reflection.Primitives (>= 4.3)
      System.Reflection.TypeExtensions (>= 4.3)
      System.Resources.ResourceManager (>= 4.3)
      System.Runtime (>= 4.3)
      System.Runtime.Extensions (>= 4.3)
      System.Threading (>= 4.3)
    System.Globalization (4.3)
      Microsoft.NETCore.Platforms (>= 1.1)
      Microsoft.NETCore.Targets (>= 1.1)
      System.Runtime (>= 4.3)
    System.Globalization.Calendars (4.3)
      Microsoft.NETCore.Platforms (>= 1.1)
      Microsoft.NETCore.Targets (>= 1.1)
      System.Globalization (>= 4.3)
      System.Runtime (>= 4.3)
    System.Globalization.Extensions (4.3)
      Microsoft.NETCore.Platforms (>= 1.1)
      System.Globalization (>= 4.3)
      System.Resources.ResourceManager (>= 4.3)
      System.Runtime (>= 4.3)
      System.Runtime.Extensions (>= 4.3)
      System.Runtime.InteropServices (>= 4.3)
    System.IO (4.3)
      Microsoft.NETCore.Platforms (>= 1.1)
      Microsoft.NETCore.Targets (>= 1.1)
      System.Runtime (>= 4.3)
      System.Text.Encoding (>= 4.3)
      System.Threading.Tasks (>= 4.3)
    System.IO.FileSystem (4.3)
      Microsoft.NETCore.Platforms (>= 1.1)
      Microsoft.NETCore.Targets (>= 1.1)
      System.IO (>= 4.3)
      System.IO.FileSystem.Primitives (>= 4.3)
      System.Runtime (>= 4.3)
      System.Runtime.Handles (>= 4.3)
      System.Text.Encoding (>= 4.3)
      System.Threading.Tasks (>= 4.3)
    System.IO.FileSystem.Primitives (4.3)
      System.Runtime (>= 4.3)
    System.IO.FileSystem.Watcher (4.3)
      Microsoft.NETCore.Platforms (>= 1.1)
      Microsoft.Win32.Primitives (>= 4.3)
      runtime.native.System (>= 4.3)
      System.Collections (>= 4.3)
      System.IO.FileSystem (>= 4.3)
      System.IO.FileSystem.Primitives (>= 4.3)
      System.Resources.ResourceManager (>= 4.3)
      System.Runtime (>= 4.3)
      System.Runtime.Extensions (>= 4.3)
      System.Runtime.Handles (>= 4.3)
      System.Runtime.InteropServices (>= 4.3)
      System.Text.Encoding (>= 4.3)
      System.Threading (>= 4.3)
      System.Threading.Overlapped (>= 4.3)
      System.Threading.Tasks (>= 4.3)
      System.Threading.Thread (>= 4.3)
    System.Linq (4.3)
      System.Collections (>= 4.3)
      System.Diagnostics.Debug (>= 4.3)
      System.Resources.ResourceManager (>= 4.3)
      System.Runtime (>= 4.3)
      System.Runtime.Extensions (>= 4.3)
    System.Linq.Expressions (4.3)
      System.Collections (>= 4.3)
      System.Diagnostics.Debug (>= 4.3)
      System.Globalization (>= 4.3)
      System.IO (>= 4.3)
      System.Linq (>= 4.3)
      System.ObjectModel (>= 4.3)
      System.Reflection (>= 4.3)
      System.Reflection.Emit (>= 4.3)
      System.Reflection.Emit.ILGeneration (>= 4.3)
      System.Reflection.Emit.Lightweight (>= 4.3)
      System.Reflection.Extensions (>= 4.3)
      System.Reflection.Primitives (>= 4.3)
      System.Reflection.TypeExtensions (>= 4.3)
      System.Resources.ResourceManager (>= 4.3)
      System.Runtime (>= 4.3)
      System.Runtime.Extensions (>= 4.3)
      System.Threading (>= 4.3)
    System.Linq.Parallel (4.3)
      System.Collections (>= 4.3)
      System.Collections.Concurrent (>= 4.3)
      System.Diagnostics.Debug (>= 4.3)
      System.Diagnostics.Tracing (>= 4.3)
      System.Linq (>= 4.3)
      System.Resources.ResourceManager (>= 4.3)
      System.Runtime (>= 4.3)
      System.Runtime.Extensions (>= 4.3)
      System.Threading (>= 4.3)
      System.Threading.Tasks (>= 4.3)
    System.Memory (4.5.3)
      System.Buffers (>= 4.4)
      System.Numerics.Vectors (>= 4.4)
      System.Runtime.CompilerServices.Unsafe (>= 4.5.2)
    System.Net.Http (4.3.4)
      Microsoft.NETCore.Platforms (>= 1.1.1)
      runtime.native.System (>= 4.3)
      runtime.native.System.Net.Http (>= 4.3)
      runtime.native.System.Security.Cryptography.OpenSsl (>= 4.3.2)
      System.Collections (>= 4.3)
      System.Diagnostics.Debug (>= 4.3)
      System.Diagnostics.DiagnosticSource (>= 4.3)
      System.Diagnostics.Tracing (>= 4.3)
      System.Globalization (>= 4.3)
      System.Globalization.Extensions (>= 4.3)
      System.IO (>= 4.3)
      System.IO.FileSystem (>= 4.3)
      System.Net.Primitives (>= 4.3)
      System.Resources.ResourceManager (>= 4.3)
      System.Runtime (>= 4.3)
      System.Runtime.Extensions (>= 4.3)
      System.Runtime.Handles (>= 4.3)
      System.Runtime.InteropServices (>= 4.3)
      System.Security.Cryptography.Algorithms (>= 4.3)
      System.Security.Cryptography.Encoding (>= 4.3)
      System.Security.Cryptography.OpenSsl (>= 4.3)
      System.Security.Cryptography.Primitives (>= 4.3)
      System.Security.Cryptography.X509Certificates (>= 4.3)
      System.Text.Encoding (>= 4.3)
      System.Threading (>= 4.3)
      System.Threading.Tasks (>= 4.3)
    System.Net.Primitives (4.3.1)
      Microsoft.NETCore.Platforms (>= 1.1.1)
      Microsoft.NETCore.Targets (>= 1.1.3)
      System.Runtime (>= 4.3.1)
      System.Runtime.Handles (>= 4.3)
    System.Numerics.Vectors (4.5)
    System.ObjectModel (4.3)
      System.Collections (>= 4.3)
      System.Diagnostics.Debug (>= 4.3)
      System.Resources.ResourceManager (>= 4.3)
      System.Runtime (>= 4.3)
      System.Threading (>= 4.3)
    System.Reactive (4.3.2)
      System.Runtime.InteropServices.WindowsRuntime (>= 4.3)
      System.Threading.Tasks.Extensions (>= 4.5.3)
    System.Reactive.Compatibility (4.3.2)
      System.Reactive.Core (>= 4.3.2)
      System.Reactive.Interfaces (>= 4.3.2)
      System.Reactive.Linq (>= 4.3.2)
      System.Reactive.PlatformServices (>= 4.3.2)
      System.Reactive.Providers (>= 4.3.2)
    System.Reactive.Core (4.3.2)
      System.Reactive (>= 4.3.2)
      System.Threading.Tasks.Extensions (>= 4.5.3)
    System.Reactive.Interfaces (4.3.2)
      System.Reactive (>= 4.3.2)
      System.Threading.Tasks.Extensions (>= 4.5.3)
    System.Reactive.Linq (4.3.2)
      System.Reactive (>= 4.3.2)
      System.Threading.Tasks.Extensions (>= 4.5.3)
    System.Reactive.PlatformServices (4.3.2)
      System.Reactive (>= 4.3.2)
      System.Threading.Tasks.Extensions (>= 4.5.3)
    System.Reactive.Providers (4.3.2)
      System.Reactive (>= 4.3.2)
      System.Threading.Tasks.Extensions (>= 4.5.3)
    System.Reflection (4.3)
      Microsoft.NETCore.Platforms (>= 1.1)
      Microsoft.NETCore.Targets (>= 1.1)
      System.IO (>= 4.3)
      System.Reflection.Primitives (>= 4.3)
      System.Runtime (>= 4.3)
    System.Reflection.Emit (4.7)
      System.Reflection.Emit.ILGeneration (>= 4.7)
    System.Reflection.Emit.ILGeneration (4.7)
    System.Reflection.Emit.Lightweight (4.7)
      System.Reflection.Emit.ILGeneration (>= 4.7)
    System.Reflection.Extensions (4.3)
      Microsoft.NETCore.Platforms (>= 1.1)
      Microsoft.NETCore.Targets (>= 1.1)
      System.Reflection (>= 4.3)
      System.Runtime (>= 4.3)
    System.Reflection.Metadata (1.8)
      System.Collections.Immutable (>= 1.7)
    System.Reflection.Primitives (4.3)
      Microsoft.NETCore.Platforms (>= 1.1)
      Microsoft.NETCore.Targets (>= 1.1)
      System.Runtime (>= 4.3)
    System.Reflection.TypeExtensions (4.7)
    System.Resources.Extensions (4.7)
      System.Memory (>= 4.5.3)
    System.Resources.ResourceManager (4.3)
      Microsoft.NETCore.Platforms (>= 1.1)
      Microsoft.NETCore.Targets (>= 1.1)
      System.Globalization (>= 4.3)
      System.Reflection (>= 4.3)
      System.Runtime (>= 4.3)
    System.Resources.Writer (4.3)
      System.Collections (>= 4.3)
      System.IO (>= 4.3)
      System.Resources.ResourceManager (>= 4.3)
      System.Runtime (>= 4.3)
      System.Runtime.Extensions (>= 4.3)
      System.Text.Encoding (>= 4.3)
    System.Runtime (4.3.1)
      Microsoft.NETCore.Platforms (>= 1.1.1)
      Microsoft.NETCore.Targets (>= 1.1.3)
    System.Runtime.CompilerServices.Unsafe (4.7)
    System.Runtime.Extensions (4.3.1)
      Microsoft.NETCore.Platforms (>= 1.1.1)
      Microsoft.NETCore.Targets (>= 1.1.3)
      System.Runtime (>= 4.3.1)
    System.Runtime.Handles (4.3)
      Microsoft.NETCore.Platforms (>= 1.1)
      Microsoft.NETCore.Targets (>= 1.1)
      System.Runtime (>= 4.3)
    System.Runtime.InteropServices (4.3)
      Microsoft.NETCore.Platforms (>= 1.1)
      Microsoft.NETCore.Targets (>= 1.1)
      System.Reflection (>= 4.3)
      System.Reflection.Primitives (>= 4.3)
      System.Runtime (>= 4.3)
      System.Runtime.Handles (>= 4.3)
    System.Runtime.InteropServices.WindowsRuntime (4.3)
      System.Runtime (>= 4.3)
    System.Runtime.Numerics (4.3)
      System.Globalization (>= 4.3)
      System.Resources.ResourceManager (>= 4.3)
      System.Runtime (>= 4.3)
      System.Runtime.Extensions (>= 4.3)
    System.Runtime.Serialization.Primitives (4.3)
      System.Resources.ResourceManager (>= 4.3)
      System.Runtime (>= 4.3)
    System.Security.AccessControl (4.7)
      System.Security.Principal.Windows (>= 4.7)
    System.Security.Cryptography.Algorithms (4.3.1)
      Microsoft.NETCore.Platforms (>= 1.1)
      runtime.native.System.Security.Cryptography.Apple (>= 4.3.1)
      runtime.native.System.Security.Cryptography.OpenSsl (>= 4.3.2)
      System.Collections (>= 4.3)
      System.IO (>= 4.3)
      System.Resources.ResourceManager (>= 4.3)
      System.Runtime (>= 4.3)
      System.Runtime.Extensions (>= 4.3)
      System.Runtime.Handles (>= 4.3)
      System.Runtime.InteropServices (>= 4.3)
      System.Runtime.Numerics (>= 4.3)
      System.Security.Cryptography.Encoding (>= 4.3)
      System.Security.Cryptography.Primitives (>= 4.3)
      System.Text.Encoding (>= 4.3)
    System.Security.Cryptography.Cng (4.7)
    System.Security.Cryptography.Csp (4.3)
      Microsoft.NETCore.Platforms (>= 1.1)
      System.IO (>= 4.3)
      System.Reflection (>= 4.3)
      System.Resources.ResourceManager (>= 4.3)
      System.Runtime (>= 4.3)
      System.Runtime.Extensions (>= 4.3)
      System.Runtime.Handles (>= 4.3)
      System.Runtime.InteropServices (>= 4.3)
      System.Security.Cryptography.Algorithms (>= 4.3)
      System.Security.Cryptography.Encoding (>= 4.3)
      System.Security.Cryptography.Primitives (>= 4.3)
      System.Text.Encoding (>= 4.3)
      System.Threading (>= 4.3)
    System.Security.Cryptography.Encoding (4.3)
      Microsoft.NETCore.Platforms (>= 1.1)
      runtime.native.System.Security.Cryptography.OpenSsl (>= 4.3)
      System.Collections (>= 4.3)
      System.Collections.Concurrent (>= 4.3)
      System.Linq (>= 4.3)
      System.Resources.ResourceManager (>= 4.3)
      System.Runtime (>= 4.3)
      System.Runtime.Extensions (>= 4.3)
      System.Runtime.Handles (>= 4.3)
      System.Runtime.InteropServices (>= 4.3)
      System.Security.Cryptography.Primitives (>= 4.3)
      System.Text.Encoding (>= 4.3)
    System.Security.Cryptography.OpenSsl (4.7)
    System.Security.Cryptography.Primitives (4.3)
      System.Diagnostics.Debug (>= 4.3)
      System.Globalization (>= 4.3)
      System.IO (>= 4.3)
      System.Resources.ResourceManager (>= 4.3)
      System.Runtime (>= 4.3)
      System.Threading (>= 4.3)
      System.Threading.Tasks (>= 4.3)
    System.Security.Cryptography.ProtectedData (4.7)
      System.Memory (>= 4.5.3)
    System.Security.Cryptography.X509Certificates (4.3.2)
      Microsoft.NETCore.Platforms (>= 1.1)
      runtime.native.System (>= 4.3)
      runtime.native.System.Net.Http (>= 4.3)
      runtime.native.System.Security.Cryptography.OpenSsl (>= 4.3.2)
      System.Collections (>= 4.3)
      System.Diagnostics.Debug (>= 4.3)
      System.Globalization (>= 4.3)
      System.Globalization.Calendars (>= 4.3)
      System.IO (>= 4.3)
      System.IO.FileSystem (>= 4.3)
      System.IO.FileSystem.Primitives (>= 4.3)
      System.Resources.ResourceManager (>= 4.3)
      System.Runtime (>= 4.3)
      System.Runtime.Extensions (>= 4.3)
      System.Runtime.Handles (>= 4.3)
      System.Runtime.InteropServices (>= 4.3)
      System.Runtime.Numerics (>= 4.3)
      System.Security.Cryptography.Algorithms (>= 4.3)
      System.Security.Cryptography.Cng (>= 4.3)
      System.Security.Cryptography.Csp (>= 4.3)
      System.Security.Cryptography.Encoding (>= 4.3)
      System.Security.Cryptography.OpenSsl (>= 4.3)
      System.Security.Cryptography.Primitives (>= 4.3)
      System.Text.Encoding (>= 4.3)
      System.Threading (>= 4.3)
    System.Security.Principal.Windows (4.7)
    System.Text.Encoding (4.3)
      Microsoft.NETCore.Platforms (>= 1.1)
      Microsoft.NETCore.Targets (>= 1.1)
      System.Runtime (>= 4.3)
    System.Text.Encoding.CodePages (4.7)
      System.Runtime.CompilerServices.Unsafe (>= 4.7)
    System.Text.Encoding.Extensions (4.3)
      Microsoft.NETCore.Platforms (>= 1.1)
      Microsoft.NETCore.Targets (>= 1.1)
      System.Runtime (>= 4.3)
      System.Text.Encoding (>= 4.3)
    System.Text.RegularExpressions (4.3.1)
      System.Collections (>= 4.3)
      System.Globalization (>= 4.3)
      System.Resources.ResourceManager (>= 4.3)
      System.Runtime (>= 4.3.1)
      System.Runtime.Extensions (>= 4.3.1)
      System.Threading (>= 4.3)
    System.Threading (4.3)
      System.Runtime (>= 4.3)
      System.Threading.Tasks (>= 4.3)
    System.Threading.Overlapped (4.3)
      Microsoft.NETCore.Platforms (>= 1.1)
      System.Resources.ResourceManager (>= 4.3)
      System.Runtime (>= 4.3)
      System.Runtime.Handles (>= 4.3)
    System.Threading.Tasks (4.3)
      Microsoft.NETCore.Platforms (>= 1.1)
      Microsoft.NETCore.Targets (>= 1.1)
      System.Runtime (>= 4.3)
    System.Threading.Tasks.Dataflow (4.11)
    System.Threading.Tasks.Extensions (4.5.3)
      System.Runtime.CompilerServices.Unsafe (>= 4.5.2)
    System.Threading.Thread (4.3)
      System.Runtime (>= 4.3)
    System.Threading.ThreadPool (4.3)
      System.Runtime (>= 4.3)
      System.Runtime.Handles (>= 4.3)
    System.Xml.ReaderWriter (4.3.1)
      System.Collections (>= 4.3)
      System.Diagnostics.Debug (>= 4.3)
      System.Globalization (>= 4.3)
      System.IO (>= 4.3)
      System.IO.FileSystem (>= 4.3)
      System.IO.FileSystem.Primitives (>= 4.3)
      System.Resources.ResourceManager (>= 4.3)
      System.Runtime (>= 4.3)
      System.Runtime.Extensions (>= 4.3)
      System.Runtime.InteropServices (>= 4.3)
      System.Text.Encoding (>= 4.3)
      System.Text.Encoding.Extensions (>= 4.3)
      System.Text.RegularExpressions (>= 4.3)
      System.Threading.Tasks (>= 4.3)
      System.Threading.Tasks.Extensions (>= 4.3)
    System.Xml.XDocument (4.3)
      System.Collections (>= 4.3)
      System.Diagnostics.Debug (>= 4.3)
      System.Diagnostics.Tools (>= 4.3)
      System.Globalization (>= 4.3)
      System.IO (>= 4.3)
      System.Reflection (>= 4.3)
      System.Resources.ResourceManager (>= 4.3)
      System.Runtime (>= 4.3)
      System.Runtime.Extensions (>= 4.3)
      System.Text.Encoding (>= 4.3)
      System.Threading (>= 4.3)
      System.Xml.ReaderWriter (>= 4.3)
    System.Xml.XmlDocument (4.3)
      System.Collections (>= 4.3)
      System.Diagnostics.Debug (>= 4.3)
      System.Globalization (>= 4.3)
      System.IO (>= 4.3)
      System.Resources.ResourceManager (>= 4.3)
      System.Runtime (>= 4.3)
      System.Runtime.Extensions (>= 4.3)
      System.Text.Encoding (>= 4.3)
      System.Threading (>= 4.3)
      System.Xml.ReaderWriter (>= 4.3)
    System.Xml.XPath (4.3)
      System.Collections (>= 4.3)
      System.Diagnostics.Debug (>= 4.3)
      System.Globalization (>= 4.3)
      System.IO (>= 4.3)
      System.Resources.ResourceManager (>= 4.3)
      System.Runtime (>= 4.3)
      System.Runtime.Extensions (>= 4.3)
      System.Threading (>= 4.3)
      System.Xml.ReaderWriter (>= 4.3)
    System.Xml.XPath.XDocument (4.3)
      System.Diagnostics.Debug (>= 4.3)
      System.Linq (>= 4.3)
      System.Resources.ResourceManager (>= 4.3)
      System.Runtime (>= 4.3)
      System.Runtime.Extensions (>= 4.3)
      System.Threading (>= 4.3)
      System.Xml.ReaderWriter (>= 4.3)
      System.Xml.XDocument (>= 4.3)
      System.Xml.XPath (>= 4.3)
    System.Xml.XPath.XmlDocument (4.3)
      System.Collections (>= 4.3)
      System.Globalization (>= 4.3)
      System.IO (>= 4.3)
      System.Resources.ResourceManager (>= 4.3)
      System.Runtime (>= 4.3)
      System.Runtime.Extensions (>= 4.3)
      System.Threading (>= 4.3)
      System.Xml.ReaderWriter (>= 4.3)
      System.Xml.XmlDocument (>= 4.3)
      System.Xml.XPath (>= 4.3)

GROUP Docs
REDIRECTS: OFF
RESTRICTION: == net461
NUGET
  remote: https://api.nuget.org/v3/index.json
    FAKE (4.64.17)
    FSharp.Compiler.Service (27.0.1)
      FSharp.Core (>= 4.5.2)
      System.Collections.Immutable (>= 1.5)
      System.Reflection.Metadata (>= 1.6)
      System.ValueTuple (>= 4.4)
    FSharp.Compiler.Tools (10.2.3)
    FSharp.Core (4.7)
    FSharp.Formatting (3.1)
      FSharp.Compiler.Service (>= 27.0.1 < 28.0)
      Microsoft.AspNet.Razor (>= 3.2.7 < 4.0)
      System.ValueTuple (>= 4.5 < 5.0)
    Microsoft.AspNet.Razor (3.2.7)
    System.Buffers (4.5)
    System.Collections.Immutable (1.7)
      System.Memory (>= 4.5.3)
    System.Memory (4.5.3)
      System.Buffers (>= 4.4)
      System.Numerics.Vectors (>= 4.4)
      System.Runtime.CompilerServices.Unsafe (>= 4.5.2)
    System.Numerics.Vectors (4.5)
    System.Reflection.Metadata (1.8)
      System.Collections.Immutable (>= 1.7)
    System.Runtime.CompilerServices.Unsafe (4.7)
    System.ValueTuple (4.5)
